GENERATE-LOAD-SCRIPTS: ON
REDIRECTS: FORCE
RESTRICTION: >= net40
NUGET
  remote: https://www.nuget.org/api/v2
    FSharp.Core (4.1.2)
      System.Collections (>= 4.0.11) - restriction: && (>= net40) (>= netstandard1.6)
      System.Console (>= 4.0) - restriction: && (>= net40) (>= netstandard1.6)
      System.Diagnostics.Debug (>= 4.0.11) - restriction: && (>= net40) (>= netstandard1.6)
      System.Diagnostics.Tools (>= 4.0.1) - restriction: && (>= net40) (>= netstandard1.6)
      System.Globalization (>= 4.0.11) - restriction: && (>= net40) (>= netstandard1.6)
      System.IO (>= 4.1) - restriction: && (>= net40) (>= netstandard1.6)
      System.Linq (>= 4.1) - restriction: && (>= net40) (>= netstandard1.6)
      System.Linq.Expressions (>= 4.1) - restriction: && (>= net40) (>= netstandard1.6)
      System.Linq.Queryable (>= 4.0.1) - restriction: && (>= net40) (>= netstandard1.6)
      System.Net.Requests (>= 4.0.11) - restriction: && (>= net40) (>= netstandard1.6)
      System.Reflection (>= 4.1) - restriction: && (>= net40) (>= netstandard1.6)
      System.Reflection.Extensions (>= 4.0.1) - restriction: && (>= net40) (>= netstandard1.6)
      System.Resources.ResourceManager (>= 4.0.1) - restriction: && (>= net40) (>= netstandard1.6)
      System.Runtime (>= 4.1) - restriction: && (>= net40) (>= netstandard1.6)
      System.Runtime.Extensions (>= 4.1) - restriction: && (>= net40) (>= netstandard1.6)
      System.Runtime.Numerics (>= 4.0.1) - restriction: && (>= net40) (>= netstandard1.6)
      System.Text.RegularExpressions (>= 4.1) - restriction: && (>= net40) (>= netstandard1.6)
      System.Threading (>= 4.0.11) - restriction: && (>= net40) (>= netstandard1.6)
      System.Threading.Tasks (>= 4.0.11) - restriction: && (>= net40) (>= netstandard1.6)
      System.Threading.Tasks.Parallel (>= 4.0.1) - restriction: && (>= net40) (>= netstandard1.6)
      System.Threading.Thread (>= 4.0) - restriction: && (>= net40) (>= netstandard1.6)
      System.Threading.ThreadPool (>= 4.0.10) - restriction: && (>= net40) (>= netstandard1.6)
      System.Threading.Timer (>= 4.0.1) - restriction: && (>= net40) (>= netstandard1.6)
      System.ValueTuple (>= 4.3) - restriction: && (>= net40) (< netstandard1.6)
    Microsoft.NETCore.Platforms (2.0.2) - restriction: || (&& (>= net40) (< net45) (>= netstandard1.1) (< netstandard1.2)) (&& (>= net40) (< net45) (>= netstandard1.2) (< netstandard1.3)) (&& (>= net40) (< net45) (>= netstandard1.3) (< netstandard1.4)) (&& (>= net40) (< net45) (>= netstandard1.4) (< netstandard1.5)) (&& (>= net40) (< net45) (>= netstandard1.5) (< netstandard1.6)) (&& (>= net40) (< net45) (< netstandard1.6) (>= netstandard2.0)) (&& (>= net40) (>= netcoreapp2.0) (< netstandard1.6)) (&& (>= net40) (>= netstandard1.0) (< portable-net45+win8+wpa81)) (&& (>= net40) (< netstandard1.3) (>= wpa81)) (&& (>= net40) (< netstandard1.5) (>= uap10.0)) (&& (>= net40) (>= uap10.1)) (&& (>= net40) (>= wp8)) (&& (>= net45) (< netstandard1.3)) (&& (>= net46) (< netstandard1.4))
    Microsoft.SqlServer.TransactSql.ScriptDom (14.0.3811.1)
    Microsoft.SqlServer.Types (12.0.5000)
    Microsoft.Win32.Primitives (4.3) - restriction: || (&& (>= net40) (< net45) (>= netstandard1.3) (< netstandard1.4)) (&& (>= net40) (< net45) (>= netstandard1.4) (< netstandard1.5)) (&& (>= net40) (< net45) (>= netstandard1.5) (< netstandard1.6)) (&& (>= net40) (< netstandard1.5) (>= uap10.0)) (&& (>= net46) (< netstandard1.4))
    NETStandard.Library (2.0.3) - restriction: && (>= net40) (< net461) (>= netstandard1.0) (< netstandard1.6)
      Microsoft.NETCore.Platforms (>= 1.1) - restriction: || (&& (>= net40) (< net45) (>= netstandard1.1) (< netstandard1.2)) (&& (>= net40) (< net45) (>= netstandard1.2) (< netstandard1.3)) (&& (>= net40) (< net45) (>= netstandard1.3) (< netstandard1.4)) (&& (>= net40) (< net45) (>= netstandard1.4) (< netstandard1.5)) (&& (>= net40) (< net45) (>= netstandard1.5) (< netstandard1.6)) (&& (>= net40) (< net45) (>= netstandard1.6) (< netstandard2.0)) (&& (>= net40) (< net45) (>= netstandard2.0)) (&& (>= net40) (>= netcoreapp2.0)) (&& (>= net40) (>= netstandard1.0) (< portable-net45+win8+wpa81)) (&& (>= net40) (< netstandard1.0) (>= portable-net45+win8)) (&& (>= net40) (< netstandard1.0) (< portable-net45+win8) (>= portable-net45+win8+wpa81)) (&& (>= net40) (< netstandard1.0) (>= portable-net45+win8+wp8+wpa81) (< portable-net45+win8+wpa81)) (&& (>= net40) (< netstandard1.0) (>= win8)) (&& (>= net40) (< netstandard1.3) (>= wpa81)) (&& (>= net40) (< netstandard1.5) (>= uap10.0)) (&& (>= net40) (>= uap10.1)) (&& (>= net40) (>= wp8)) (&& (>= net45) (< netstandard1.3)) (&& (>= net46) (< netstandard1.4)) (>= net461)
      Microsoft.Win32.Primitives (>= 4.3) - restriction: || (&& (>= net40) (< net45) (>= netstandard1.3) (< netstandard1.4)) (&& (>= net40) (< net45) (>= netstandard1.4) (< netstandard1.5)) (&& (>= net40) (< net45) (>= netstandard1.5) (< netstandard1.6)) (&& (>= net40) (< net45) (>= netstandard1.6) (< netstandard2.0)) (&& (>= net40) (< netstandard1.5) (>= uap10.0)) (&& (>= net46) (< netstandard1.4))
      System.AppContext (>= 4.3) - restriction: || (&& (>= net40) (< net45) (>= netstandard1.3) (< netstandard1.4)) (&& (>= net40) (< net45) (>= netstandard1.4) (< netstandard1.5)) (&& (>= net40) (< net45) (>= netstandard1.5) (< netstandard1.6)) (&& (>= net40) (< net45) (>= netstandard1.6) (< netstandard2.0)) (&& (>= net40) (< netstandard1.5) (>= uap10.0)) (&& (>= net46) (< netstandard1.4))
      System.Console (>= 4.3) - restriction: || (&& (>= net40) (< net45) (>= netstandard1.3) (< netstandard1.4)) (&& (>= net40) (< net45) (>= netstandard1.4) (< netstandard1.5)) (&& (>= net40) (< net45) (>= netstandard1.5) (< netstandard1.6)) (&& (>= net40) (< net45) (>= netstandard1.6) (< netstandard2.0)) (&& (>= net40) (< netstandard1.5) (>= uap10.0)) (&& (>= net46) (< netstandard1.4))
      System.Globalization.Calendars (>= 4.3) - restriction: || (&& (>= net40) (< net45) (>= netstandard1.3) (< netstandard1.4)) (&& (>= net40) (< net45) (>= netstandard1.4) (< netstandard1.5)) (&& (>= net40) (< net45) (>= netstandard1.5) (< netstandard1.6)) (&& (>= net40) (< net45) (>= netstandard1.6) (< netstandard2.0)) (&& (>= net40) (< netstandard1.5) (>= uap10.0)) (&& (>= net46) (< netstandard1.4))
      System.IO.Compression (>= 4.3) - restriction: || (&& (>= net40) (< net45) (>= netstandard1.1) (< netstandard1.2)) (&& (>= net40) (< net45) (>= netstandard1.2) (< netstandard1.3)) (&& (>= net40) (< net45) (>= netstandard1.3) (< netstandard1.4)) (&& (>= net40) (< net45) (>= netstandard1.4) (< netstandard1.5)) (&& (>= net40) (< net45) (>= netstandard1.5) (< netstandard1.6)) (&& (>= net40) (< net45) (>= netstandard1.6) (< netstandard2.0)) (&& (>= net40) (< netstandard1.5) (>= uap10.0)) (&& (>= net46) (< netstandard1.4))
      System.IO.Compression.ZipFile (>= 4.3) - restriction: || (&& (>= net40) (< net45) (>= netstandard1.3) (< netstandard1.4)) (&& (>= net40) (< net45) (>= netstandard1.4) (< netstandard1.5)) (&& (>= net40) (< net45) (>= netstandard1.5) (< netstandard1.6)) (&& (>= net40) (< net45) (>= netstandard1.6) (< netstandard2.0)) (&& (>= net40) (< netstandard1.5) (>= uap10.0)) (&& (>= net46) (< netstandard1.4))
      System.IO.FileSystem (>= 4.3) - restriction: || (&& (>= net40) (< net45) (>= netstandard1.3) (< netstandard1.4)) (&& (>= net40) (< net45) (>= netstandard1.4) (< netstandard1.5)) (&& (>= net40) (< net45) (>= netstandard1.5) (< netstandard1.6)) (&& (>= net40) (< net45) (>= netstandard1.6) (< netstandard2.0)) (&& (>= net40) (< netstandard1.5) (>= uap10.0)) (&& (>= net46) (< netstandard1.4))
      System.IO.FileSystem.Primitives (>= 4.3) - restriction: || (&& (>= net40) (< net45) (>= netstandard1.3) (< netstandard1.4)) (&& (>= net40) (< net45) (>= netstandard1.4) (< netstandard1.5)) (&& (>= net40) (< net45) (>= netstandard1.5) (< netstandard1.6)) (&& (>= net40) (< net45) (>= netstandard1.6) (< netstandard2.0)) (&& (>= net40) (< netstandard1.5) (>= uap10.0)) (&& (>= net46) (< netstandard1.4))
      System.Net.Http (>= 4.3.2) - restriction: || (&& (>= net40) (< net45) (>= netstandard1.1) (< netstandard1.2)) (&& (>= net40) (< net45) (>= netstandard1.2) (< netstandard1.3)) (&& (>= net40) (< net45) (>= netstandard1.3) (< netstandard1.4)) (&& (>= net40) (< net45) (>= netstandard1.4) (< netstandard1.5)) (&& (>= net40) (< net45) (>= netstandard1.5) (< netstandard1.6)) (&& (>= net40) (< net45) (>= netstandard1.6) (< netstandard2.0)) (&& (>= net40) (< netstandard1.5) (>= uap10.0)) (&& (>= net46) (< netstandard1.4))
      System.Net.Sockets (>= 4.3) - restriction: || (&& (>= net40) (< net45) (>= netstandard1.3) (< netstandard1.4)) (&& (>= net40) (< net45) (>= netstandard1.4) (< netstandard1.5)) (&& (>= net40) (< net45) (>= netstandard1.5) (< netstandard1.6)) (&& (>= net40) (< net45) (>= netstandard1.6) (< netstandard2.0)) (&& (>= net40) (< netstandard1.5) (>= uap10.0)) (&& (>= net46) (< netstandard1.4))
      System.Runtime.InteropServices.RuntimeInformation (>= 4.3) - restriction: || (&& (>= net40) (< net45) (>= netstandard1.1) (< netstandard1.2)) (&& (>= net40) (< net45) (>= netstandard1.2) (< netstandard1.3)) (&& (>= net40) (< net45) (>= netstandard1.3) (< netstandard1.4)) (&& (>= net40) (< net45) (>= netstandard1.4) (< netstandard1.5)) (&& (>= net40) (< net45) (>= netstandard1.5) (< netstandard1.6)) (&& (>= net40) (< net45) (>= netstandard1.6) (< netstandard2.0)) (&& (>= net40) (< netstandard1.0) (>= portable-net45+win8)) (&& (>= net40) (< netstandard1.0) (< portable-net45+win8) (>= portable-net45+win8+wpa81)) (&& (>= net40) (< netstandard1.0) (>= win8)) (&& (>= net40) (< netstandard1.3) (>= wpa81)) (&& (>= net40) (< netstandard1.5) (>= uap10.0)) (&& (>= net45) (< netstandard1.3)) (&& (>= net46) (< netstandard1.4))
      System.Security.Cryptography.Algorithms (>= 4.3) - restriction: || (&& (>= net40) (< net45) (>= netstandard1.3) (< netstandard1.4)) (&& (>= net40) (< net45) (>= netstandard1.4) (< netstandard1.5)) (&& (>= net40) (< net45) (>= netstandard1.5) (< netstandard1.6)) (&& (>= net40) (< net45) (>= netstandard1.6) (< netstandard2.0)) (&& (>= net40) (< netstandard1.5) (>= uap10.0)) (&& (>= net46) (< netstandard1.4))
      System.Security.Cryptography.Encoding (>= 4.3) - restriction: || (&& (>= net40) (< net45) (>= netstandard1.3) (< netstandard1.4)) (&& (>= net40) (< net45) (>= netstandard1.4) (< netstandard1.5)) (&& (>= net40) (< net45) (>= netstandard1.5) (< netstandard1.6)) (&& (>= net40) (< net45) (>= netstandard1.6) (< netstandard2.0)) (&& (>= net40) (< netstandard1.5) (>= uap10.0)) (&& (>= net46) (< netstandard1.4))
      System.Security.Cryptography.Primitives (>= 4.3) - restriction: || (&& (>= net40) (< net45) (>= netstandard1.3) (< netstandard1.4)) (&& (>= net40) (< net45) (>= netstandard1.4) (< netstandard1.5)) (&& (>= net40) (< net45) (>= netstandard1.5) (< netstandard1.6)) (&& (>= net40) (< net45) (>= netstandard1.6) (< netstandard2.0)) (&& (>= net40) (< netstandard1.5) (>= uap10.0)) (&& (>= net46) (< netstandard1.4))
      System.Security.Cryptography.X509Certificates (>= 4.3) - restriction: || (&& (>= net40) (< net45) (>= netstandard1.3) (< netstandard1.4)) (&& (>= net40) (< net45) (>= netstandard1.4) (< netstandard1.5)) (&& (>= net40) (< net45) (>= netstandard1.5) (< netstandard1.6)) (&& (>= net40) (< net45) (>= netstandard1.6) (< netstandard2.0)) (&& (>= net40) (< netstandard1.5) (>= uap10.0)) (&& (>= net46) (< netstandard1.4))
      System.Xml.ReaderWriter (>= 4.3) - restriction: || (&& (>= net40) (< net45) (>= netstandard1.1) (< netstandard1.2)) (&& (>= net40) (< net45) (>= netstandard1.2) (< netstandard1.3)) (&& (>= net40) (< net45) (>= netstandard1.3) (< netstandard1.4)) (&& (>= net40) (< net45) (>= netstandard1.4) (< netstandard1.5)) (&& (>= net40) (< net45) (>= netstandard1.5) (< netstandard1.6)) (&& (>= net40) (< net45) (>= netstandard1.6) (< netstandard2.0)) (&& (>= net40) (>= netstandard1.0) (< portable-net45+win8+wpa81)) (&& (>= net40) (< netstandard1.5) (>= uap10.0)) (&& (>= net46) (< netstandard1.4))
    System.AppContext (4.3) - restriction: || (&& (>= net40) (< net45) (>= netstandard1.3) (< netstandard1.4)) (&& (>= net40) (< net45) (>= netstandard1.4) (< netstandard1.5)) (&& (>= net40) (< net45) (>= netstandard1.5) (< netstandard1.6)) (&& (>= net40) (< netstandard1.5) (>= uap10.0)) (&& (>= net46) (< netstandard1.4))
    System.Collections (4.3) - restriction: && (>= net40) (>= netstandard1.6)
    System.Console (4.3.1) - restriction: || (&& (>= net40) (< net45) (>= netstandard1.3) (< netstandard1.4)) (&& (>= net40) (< net45) (>= netstandard1.4) (< netstandard1.5)) (&& (>= net40) (< net45) (>= netstandard1.5) (< netstandard1.6)) (&& (>= net40) (< netstandard1.5) (>= uap10.0)) (&& (>= net40) (>= netstandard1.6)) (&& (>= net46) (< netstandard1.4))
    System.Diagnostics.Debug (4.3) - restriction: && (>= net40) (>= netstandard1.6)
    System.Diagnostics.Tools (4.3) - restriction: && (>= net40) (>= netstandard1.6)
    System.Globalization (4.3) - restriction: && (>= net40) (>= netstandard1.6)
    System.Globalization.Calendars (4.3) - restriction: || (&& (>= net40) (< net45) (>= netstandard1.3) (< netstandard1.4)) (&& (>= net40) (< net45) (>= netstandard1.4) (< netstandard1.5)) (&& (>= net40) (< net45) (>= netstandard1.5) (< netstandard1.6)) (&& (>= net40) (< netstandard1.5) (>= uap10.0)) (&& (>= net46) (< netstandard1.4))
    System.IO (4.3) - restriction: && (>= net40) (>= netstandard1.6)
    System.IO.Compression (4.3) - restriction: || (&& (>= net40) (< net45) (>= netstandard1.1) (< netstandard1.2)) (&& (>= net40) (< net45) (>= netstandard1.2) (< netstandard1.3)) (&& (>= net40) (< net45) (>= netstandard1.3) (< netstandard1.4)) (&& (>= net40) (< net45) (>= netstandard1.4) (< netstandard1.5)) (&& (>= net40) (< net45) (>= netstandard1.5) (< netstandard1.6)) (&& (>= net40) (< netstandard1.5) (>= uap10.0)) (&& (>= net46) (< netstandard1.4))
    System.IO.Compression.ZipFile (4.3) - restriction: || (&& (>= net40) (< net45) (>= netstandard1.3) (< netstandard1.4)) (&& (>= net40) (< net45) (>= netstandard1.4) (< netstandard1.5)) (&& (>= net40) (< net45) (>= netstandard1.5) (< netstandard1.6)) (&& (>= net40) (< netstandard1.5) (>= uap10.0)) (&& (>= net46) (< netstandard1.4))
    System.IO.FileSystem (4.3) - restriction: || (&& (>= net40) (< net45) (>= netstandard1.3) (< netstandard1.4)) (&& (>= net40) (< net45) (>= netstandard1.4) (< netstandard1.5)) (&& (>= net40) (< net45) (>= netstandard1.5) (< netstandard1.6)) (&& (>= net40) (< netstandard1.5) (>= uap10.0)) (&& (>= net46) (< netstandard1.4))
      System.IO.FileSystem.Primitives (>= 4.3) - restriction: || (&& (>= net40) (>= netstandard1.3)) (>= net46)
    System.IO.FileSystem.Primitives (4.3) - restriction: || (&& (>= net40) (< net45) (>= netstandard1.3) (< netstandard1.4)) (&& (>= net40) (< net45) (>= netstandard1.4) (< netstandard1.5)) (&& (>= net40) (< net45) (>= netstandard1.5) (< netstandard1.6)) (&& (>= net40) (< netstandard1.5) (>= uap10.0)) (&& (>= net46) (< netstandard1.4))
    System.Linq (4.3) - restriction: && (>= net40) (>= netstandard1.6)
    System.Linq.Expressions (4.3) - restriction: && (>= net40) (>= netstandard1.6)
    System.Linq.Queryable (4.3) - restriction: && (>= net40) (>= netstandard1.6)
    System.Net.Http (4.3.3) - restriction: || (&& (>= net40) (< net45) (>= netstandard1.1) (< netstandard1.2)) (&& (>= net40) (< net45) (>= netstandard1.2) (< netstandard1.3)) (&& (>= net40) (< net45) (>= netstandard1.3) (< netstandard1.4)) (&& (>= net40) (< net45) (>= netstandard1.4) (< netstandard1.5)) (&& (>= net40) (< net45) (>= netstandard1.5) (< netstandard1.6)) (&& (>= net40) (< netstandard1.5) (>= uap10.0)) (&& (>= net46) (< netstandard1.4))
      System.Security.Cryptography.X509Certificates (>= 4.3) - restriction: || (&& (>= net40) (< net45) (>= netstandard1.3) (< netstandard1.6)) (&& (>= net40) (< net45) (>= netstandard1.6)) (&& (>= net40) (< portable-net45+win8+wpa81)) (>= net46)
    System.Net.Requests (4.3) - restriction: && (>= net40) (>= netstandard1.6)
    System.Net.Sockets (4.3) - restriction: || (&& (>= net40) (< net45) (>= netstandard1.3) (< netstandard1.4)) (&& (>= net40) (< net45) (>= netstandard1.4) (< netstandard1.5)) (&& (>= net40) (< net45) (>= netstandard1.5) (< netstandard1.6)) (&& (>= net40) (< netstandard1.5) (>= uap10.0)) (&& (>= net46) (< netstandard1.4))
    System.Reflection (4.3) - restriction: && (>= net40) (>= netstandard1.6)
    System.Reflection.Extensions (4.3) - restriction: && (>= net40) (>= netstandard1.6)
    System.Resources.ResourceManager (4.3) - restriction: && (>= net40) (>= netstandard1.6)
    System.Runtime (4.3) - restriction: && (>= net40) (>= netstandard1.6)
    System.Runtime.Extensions (4.3) - restriction: && (>= net40) (>= netstandard1.6)
    System.Runtime.InteropServices.RuntimeInformation (4.3) - restriction: || (&& (>= net40) (< net45) (>= netstandard1.1) (< netstandard1.2)) (&& (>= net40) (< net45) (>= netstandard1.2) (< netstandard1.3)) (&& (>= net40) (< net45) (>= netstandard1.3) (< netstandard1.4)) (&& (>= net40) (< net45) (>= netstandard1.4) (< netstandard1.5)) (&& (>= net40) (< net45) (>= netstandard1.5) (< netstandard1.6)) (&& (>= net40) (< netstandard1.3) (>= wpa81)) (&& (>= net40) (< netstandard1.5) (>= uap10.0)) (&& (>= net45) (< netstandard1.3)) (&& (>= net46) (< netstandard1.4))
    System.Runtime.Numerics (4.3) - restriction: && (>= net40) (>= netstandard1.6)
    System.Security.Cryptography.Algorithms (4.3.1) - restriction: || (&& (>= net40) (< net45) (>= netstandard1.3) (< netstandard1.4)) (&& (>= net40) (< net45) (>= netstandard1.4) (< netstandard1.5)) (&& (>= net40) (< net45) (>= netstandard1.5) (< netstandard1.6)) (&& (>= net40) (< netstandard1.5) (>= uap10.0)) (&& (>= net46) (< netstandard1.4))
      System.Security.Cryptography.Primitives (>= 4.3)
    System.Security.Cryptography.Encoding (4.3) - restriction: || (&& (>= net40) (< net45) (>= netstandard1.3) (< netstandard1.4)) (&& (>= net40) (< net45) (>= netstandard1.4) (< netstandard1.5)) (&& (>= net40) (< net45) (>= netstandard1.5) (< netstandard1.6)) (&& (>= net40) (< netstandard1.5) (>= uap10.0)) (&& (>= net46) (< netstandard1.4))
    System.Security.Cryptography.Primitives (4.3) - restriction: || (&& (>= net40) (< net45) (>= netstandard1.3) (< netstandard1.4)) (&& (>= net40) (< net45) (>= netstandard1.4) (< netstandard1.5)) (&& (>= net40) (< net45) (>= netstandard1.5) (< netstandard1.6)) (&& (>= net40) (< netstandard1.5) (>= uap10.0)) (&& (>= net46) (< netstandard1.4))
    System.Security.Cryptography.X509Certificates (4.3.2) - restriction: || (&& (>= net40) (< net45) (>= netstandard1.3) (< netstandard1.4)) (&& (>= net40) (< net45) (>= netstandard1.4) (< netstandard1.5)) (&& (>= net40) (< net45) (>= netstandard1.5) (< netstandard1.6)) (&& (>= net40) (< netstandard1.5) (>= uap10.0)) (&& (>= net46) (< netstandard1.4))
      System.Security.Cryptography.Algorithms (>= 4.3)
      System.Security.Cryptography.Encoding (>= 4.3)
    System.Text.RegularExpressions (4.3) - restriction: && (>= net40) (>= netstandard1.6)
    System.Threading (4.3) - restriction: && (>= net40) (>= netstandard1.6)
    System.Threading.Tasks (4.3) - restriction: && (>= net40) (>= netstandard1.6)
    System.Threading.Tasks.Parallel (4.3) - restriction: && (>= net40) (>= netstandard1.6)
    System.Threading.Thread (4.3) - restriction: && (>= net40) (>= netstandard1.6)
    System.Threading.ThreadPool (4.3) - restriction: && (>= net40) (>= netstandard1.6)
    System.Threading.Timer (4.3) - restriction: && (>= net40) (>= netstandard1.6)
    System.ValueTuple (4.4) - restriction: && (>= net40) (< netstandard1.6)
      NETStandard.Library (>= 1.6.1) - restriction: && (>= net40) (< net461) (>= netstandard1.0) (< netstandard2.0)
    System.Xml.ReaderWriter (4.3.1) - restriction: || (&& (>= net40) (< net45) (>= netstandard1.1) (< netstandard1.2)) (&& (>= net40) (< net45) (>= netstandard1.2) (< netstandard1.3)) (&& (>= net40) (< net45) (>= netstandard1.3) (< netstandard1.4)) (&& (>= net40) (< net45) (>= netstandard1.4) (< netstandard1.5)) (&& (>= net40) (< net45) (>= netstandard1.5) (< netstandard1.6)) (&& (>= net40) (>= netstandard1.0) (< portable-net45+win8+wpa81)) (&& (>= net40) (< netstandard1.5) (>= uap10.0)) (&& (>= net46) (< netstandard1.4))
GITHUB
  remote: fsprojects/FSharp.TypeProviders.SDK
    src/ProvidedTypes.fs (7d57cd409d7299592822713195924e42b2b7acde)
    src/ProvidedTypes.fsi (7d57cd409d7299592822713195924e42b2b7acde)
    src/ProvidedTypesTesting.fs (7d57cd409d7299592822713195924e42b2b7acde)
GROUP Build
GENERATE-LOAD-SCRIPTS: ON
REDIRECTS: FORCE
RESTRICTION: >= net40
NUGET
  remote: https://www.nuget.org/api/v2
    FAKE (5.0.0-rc014.167)
    FAKE.Lib (5.0.0-rc014.167)
    FSharp.Compiler.Service (0.0.36)
    FSharp.Formatting (2.4.1)
      FSharp.Compiler.Service (>= 0.0.32)
      Microsoft.AspNet.Razor (>= 2.0.30506)
      RazorEngine (>= 3.3)
    Microsoft.AspNet.Razor (3.2.6)
    NuGet.CommandLine (4.6.2)
    RazorEngine (3.3)
      Microsoft.AspNet.Razor (>= 2.0.30506)

GROUP Samples
REDIRECTS: FORCE
RESTRICTION: >= net40
NUGET
  remote: https://www.nuget.org/api/v2
    FSharp.Data.SqlClient (1.8.4)
    Microsoft.AspNet.WebApi (5.2.6)
      Microsoft.AspNet.WebApi.WebHost (>= 5.2.6 < 5.3)
    Microsoft.AspNet.WebApi.Client (5.2.6)
      Newtonsoft.Json (>= 6.0.4) - restriction: || (&& (>= net40) (< netstandard2.0) (>= portable-net45+win8+wp8+wp81+wpa81)) (>= net45)
    Microsoft.AspNet.WebApi.Core (5.2.6)
      Microsoft.AspNet.WebApi.Client (>= 5.2.6)
    Microsoft.AspNet.WebApi.WebHost (5.2.6)
      Microsoft.AspNet.WebApi.Core (>= 5.2.6 < 5.3)
    Newtonsoft.Json (11.0.2)

GROUP Test
REDIRECTS: FORCE
RESTRICTION: >= net40
NUGET
  remote: https://www.nuget.org/api/v2
    FSharp.Configuration (1.4)
      FSharp.Core (>= 4.0.0.1)
    FSharp.Core (4.1.2)
    Newtonsoft.Json (11.0.2)
    xunit (1.9.2)
    xunit.runner.visualstudio (2.1)
