GENERATE-LOAD-SCRIPTS: ON
REDIRECTS: FORCE
RESTRICTION: >= net40
NUGET
  remote: https://www.nuget.org/api/v2
    FSharp.Core (4.1.2)
      System.Collections (>= 4.0.11) - restriction: && (>= net40) (>= netstandard1.6)
      System.Console (>= 4.0) - restriction: && (>= net40) (>= netstandard1.6)
      System.Diagnostics.Debug (>= 4.0.11) - restriction: && (>= net40) (>= netstandard1.6)
      System.Diagnostics.Tools (>= 4.0.1) - restriction: && (>= net40) (>= netstandard1.6)
      System.Globalization (>= 4.0.11) - restriction: && (>= net40) (>= netstandard1.6)
      System.IO (>= 4.1) - restriction: && (>= net40) (>= netstandard1.6)
      System.Linq (>= 4.1) - restriction: && (>= net40) (>= netstandard1.6)
      System.Linq.Expressions (>= 4.1) - restriction: && (>= net40) (>= netstandard1.6)
      System.Linq.Queryable (>= 4.0.1) - restriction: && (>= net40) (>= netstandard1.6)
      System.Net.Requests (>= 4.0.11) - restriction: && (>= net40) (>= netstandard1.6)
      System.Reflection (>= 4.1) - restriction: && (>= net40) (>= netstandard1.6)
      System.Reflection.Extensions (>= 4.0.1) - restriction: && (>= net40) (>= netstandard1.6)
      System.Resources.ResourceManager (>= 4.0.1) - restriction: && (>= net40) (>= netstandard1.6)
      System.Runtime (>= 4.1) - restriction: && (>= net40) (>= netstandard1.6)
      System.Runtime.Extensions (>= 4.1) - restriction: && (>= net40) (>= netstandard1.6)
      System.Runtime.Numerics (>= 4.0.1) - restriction: && (>= net40) (>= netstandard1.6)
      System.Text.RegularExpressions (>= 4.1) - restriction: && (>= net40) (>= netstandard1.6)
      System.Threading (>= 4.0.11) - restriction: && (>= net40) (>= netstandard1.6)
      System.Threading.Tasks (>= 4.0.11) - restriction: && (>= net40) (>= netstandard1.6)
      System.Threading.Tasks.Parallel (>= 4.0.1) - restriction: && (>= net40) (>= netstandard1.6)
      System.Threading.Thread (>= 4.0) - restriction: && (>= net40) (>= netstandard1.6)
      System.Threading.ThreadPool (>= 4.0.10) - restriction: && (>= net40) (>= netstandard1.6)
      System.Threading.Timer (>= 4.0.1) - restriction: && (>= net40) (>= netstandard1.6)
      System.ValueTuple (>= 4.3) - restriction: && (>= net40) (< netstandard1.6)
    Microsoft.SqlServer.TransactSql.ScriptDom (14.0.3811.1)
    System.Collections (4.3) - restriction: && (>= net40) (>= netstandard1.6)
    System.Console (4.3.1) - restriction: && (>= net40) (>= netstandard1.6)
    System.Diagnostics.Debug (4.3) - restriction: && (>= net40) (>= netstandard1.6)
    System.Diagnostics.Tools (4.3) - restriction: && (>= net40) (>= netstandard1.6)
    System.Globalization (4.3) - restriction: && (>= net40) (>= netstandard1.6)
    System.IO (4.3) - restriction: && (>= net40) (>= netstandard1.6)
    System.Linq (4.3) - restriction: && (>= net40) (>= netstandard1.6)
    System.Linq.Expressions (4.3) - restriction: && (>= net40) (>= netstandard1.6)
    System.Linq.Queryable (4.3) - restriction: && (>= net40) (>= netstandard1.6)
    System.Net.Requests (4.3) - restriction: && (>= net40) (>= netstandard1.6)
    System.Reflection (4.3) - restriction: && (>= net40) (>= netstandard1.6)
    System.Reflection.Extensions (4.3) - restriction: && (>= net40) (>= netstandard1.6)
    System.Resources.ResourceManager (4.3) - restriction: && (>= net40) (>= netstandard1.6)
    System.Runtime (4.3) - restriction: && (>= net40) (>= netstandard1.6)
    System.Runtime.Extensions (4.3) - restriction: && (>= net40) (>= netstandard1.6)
    System.Runtime.Numerics (4.3) - restriction: && (>= net40) (>= netstandard1.6)
    System.Text.RegularExpressions (4.3) - restriction: && (>= net40) (>= netstandard1.6)
    System.Threading (4.3) - restriction: && (>= net40) (>= netstandard1.6)
    System.Threading.Tasks (4.3) - restriction: && (>= net40) (>= netstandard1.6)
    System.Threading.Tasks.Parallel (4.3) - restriction: && (>= net40) (>= netstandard1.6)
    System.Threading.Thread (4.3) - restriction: && (>= net40) (>= netstandard1.6)
    System.Threading.ThreadPool (4.3) - restriction: && (>= net40) (>= netstandard1.6)
    System.Threading.Timer (4.3) - restriction: && (>= net40) (>= netstandard1.6)
    System.ValueTuple (4.5) - restriction: && (>= net40) (< netstandard1.6)
GITHUB
  remote: fsprojects/FSharp.TypeProviders.SDK
    src/ProvidedTypes.fs (0a5fd0caa73df304062c8965e61850789d9f39e7)
    src/ProvidedTypes.fsi (0a5fd0caa73df304062c8965e61850789d9f39e7)
    src/ProvidedTypesTesting.fs (0a5fd0caa73df304062c8965e61850789d9f39e7)
GROUP Build
GENERATE-LOAD-SCRIPTS: ON
REDIRECTS: FORCE
RESTRICTION: >= net40
NUGET
  remote: https://www.nuget.org/api/v2
    FAKE (5.0.0-rc014.167)
    FAKE.Lib (5.0.0-rc014.167)
    FSharp.Compiler.Service (0.0.36)
    FSharp.Formatting (2.4.1)
      FSharp.Compiler.Service (>= 0.0.32)
      Microsoft.AspNet.Razor (>= 2.0.30506)
      RazorEngine (>= 3.3)
    Microsoft.AspNet.Razor (3.2.6)
    NuGet.CommandLine (4.7.1)
    RazorEngine (3.3)
      Microsoft.AspNet.Razor (>= 2.0.30506)

GROUP Samples
REDIRECTS: FORCE
RESTRICTION: >= net40
NUGET
  remote: https://www.nuget.org/api/v2
    FSharp.Data.SqlClient (1.8.4)
    Microsoft.AspNet.WebApi (5.2.6)
      Microsoft.AspNet.WebApi.WebHost (>= 5.2.6 < 5.3)
    Microsoft.AspNet.WebApi.Client (5.2.6)
      Newtonsoft.Json (>= 6.0.4) - restriction: || (&& (>= net40) (< netstandard2.0) (>= portable-net45+win8+wp8+wp81+wpa81)) (>= net45)
    Microsoft.AspNet.WebApi.Core (5.2.6)
      Microsoft.AspNet.WebApi.Client (>= 5.2.6)
    Microsoft.AspNet.WebApi.WebHost (5.2.6)
      Microsoft.AspNet.WebApi.Core (>= 5.2.6 < 5.3)
    Newtonsoft.Json (11.0.2)

GROUP Test
REDIRECTS: FORCE
RESTRICTION: >= net40
NUGET
  remote: https://www.nuget.org/api/v2
    FSharp.Configuration (1.4)
      FSharp.Core (>= 4.0.0.1)
    FSharp.Core (4.1.2)
      System.Collections (>= 4.0.11) - restriction: && (>= net40) (>= netstandard1.6)
      System.Console (>= 4.0) - restriction: && (>= net40) (>= netstandard1.6)
      System.Diagnostics.Debug (>= 4.0.11) - restriction: && (>= net40) (>= netstandard1.6)
      System.Diagnostics.Tools (>= 4.0.1) - restriction: && (>= net40) (>= netstandard1.6)
      System.Globalization (>= 4.0.11) - restriction: && (>= net40) (>= netstandard1.6)
      System.IO (>= 4.1) - restriction: && (>= net40) (>= netstandard1.6)
      System.Linq (>= 4.1) - restriction: && (>= net40) (>= netstandard1.6)
      System.Linq.Expressions (>= 4.1) - restriction: && (>= net40) (>= netstandard1.6)
      System.Linq.Queryable (>= 4.0.1) - restriction: && (>= net40) (>= netstandard1.6)
      System.Net.Requests (>= 4.0.11) - restriction: && (>= net40) (>= netstandard1.6)
      System.Reflection (>= 4.1) - restriction: && (>= net40) (>= netstandard1.6)
      System.Reflection.Extensions (>= 4.0.1) - restriction: && (>= net40) (>= netstandard1.6)
      System.Resources.ResourceManager (>= 4.0.1) - restriction: && (>= net40) (>= netstandard1.6)
      System.Runtime (>= 4.1) - restriction: && (>= net40) (>= netstandard1.6)
      System.Runtime.Extensions (>= 4.1) - restriction: && (>= net40) (>= netstandard1.6)
      System.Runtime.Numerics (>= 4.0.1) - restriction: && (>= net40) (>= netstandard1.6)
      System.Text.RegularExpressions (>= 4.1) - restriction: && (>= net40) (>= netstandard1.6)
      System.Threading (>= 4.0.11) - restriction: && (>= net40) (>= netstandard1.6)
      System.Threading.Tasks (>= 4.0.11) - restriction: && (>= net40) (>= netstandard1.6)
      System.Threading.Tasks.Parallel (>= 4.0.1) - restriction: && (>= net40) (>= netstandard1.6)
      System.Threading.Thread (>= 4.0) - restriction: && (>= net40) (>= netstandard1.6)
      System.Threading.ThreadPool (>= 4.0.10) - restriction: && (>= net40) (>= netstandard1.6)
      System.Threading.Timer (>= 4.0.1) - restriction: && (>= net40) (>= netstandard1.6)
      System.ValueTuple (>= 4.3) - restriction: && (>= net40) (< netstandard1.6)
    Microsoft.SqlServer.Types (12.0.5000)
    Newtonsoft.Json (11.0.2)
    System.Collections (4.3) - restriction: && (>= net40) (>= netstandard1.6)
    System.Console (4.3.1) - restriction: && (>= net40) (>= netstandard1.6)
    System.Diagnostics.Debug (4.3) - restriction: && (>= net40) (>= netstandard1.6)
    System.Diagnostics.Tools (4.3) - restriction: && (>= net40) (>= netstandard1.6)
    System.Globalization (4.3) - restriction: && (>= net40) (>= netstandard1.6)
    System.IO (4.3) - restriction: && (>= net40) (>= netstandard1.6)
    System.Linq (4.3) - restriction: && (>= net40) (>= netstandard1.6)
    System.Linq.Expressions (4.3) - restriction: && (>= net40) (>= netstandard1.6)
    System.Linq.Queryable (4.3) - restriction: && (>= net40) (>= netstandard1.6)
    System.Net.Requests (4.3) - restriction: && (>= net40) (>= netstandard1.6)
    System.Reflection (4.3) - restriction: && (>= net40) (>= netstandard1.6)
    System.Reflection.Extensions (4.3) - restriction: && (>= net40) (>= netstandard1.6)
    System.Resources.ResourceManager (4.3) - restriction: && (>= net40) (>= netstandard1.6)
    System.Runtime (4.3) - restriction: && (>= net40) (>= netstandard1.6)
    System.Runtime.Extensions (4.3) - restriction: && (>= net40) (>= netstandard1.6)
    System.Runtime.Numerics (4.3) - restriction: && (>= net40) (>= netstandard1.6)
    System.Text.RegularExpressions (4.3) - restriction: && (>= net40) (>= netstandard1.6)
    System.Threading (4.3) - restriction: && (>= net40) (>= netstandard1.6)
    System.Threading.Tasks (4.3) - restriction: && (>= net40) (>= netstandard1.6)
    System.Threading.Tasks.Parallel (4.3) - restriction: && (>= net40) (>= netstandard1.6)
    System.Threading.Thread (4.3) - restriction: && (>= net40) (>= netstandard1.6)
    System.Threading.ThreadPool (4.3) - restriction: && (>= net40) (>= netstandard1.6)
    System.Threading.Timer (4.3) - restriction: && (>= net40) (>= netstandard1.6)
    System.ValueTuple (4.5) - restriction: && (>= net40) (< netstandard1.6)
    xunit (1.9.2)
    xunit.runner.visualstudio (2.1)
