GENERATE-LOAD-SCRIPTS: ON
REDIRECTS: FORCE
RESTRICTION: || (== netstandard2.0) (>= net40)
NUGET
  remote: https://www.nuget.org/api/v2
    FSharp.Core (4.1.18)
      System.Collections (>= 4.0.11) - restriction: || (== netstandard2.0) (&& (< net20) (>= net40) (>= netstandard1.6))
      System.Console (>= 4.0) - restriction: || (== netstandard2.0) (&& (< net20) (>= net40) (>= netstandard1.6))
      System.Diagnostics.Debug (>= 4.0.11) - restriction: || (== netstandard2.0) (&& (< net20) (>= net40) (>= netstandard1.6))
      System.Diagnostics.Tools (>= 4.0.1) - restriction: || (== netstandard2.0) (&& (< net20) (>= net40) (>= netstandard1.6))
      System.Globalization (>= 4.0.11) - restriction: || (== netstandard2.0) (&& (< net20) (>= net40) (>= netstandard1.6))
      System.IO (>= 4.1) - restriction: || (== netstandard2.0) (&& (< net20) (>= net40) (>= netstandard1.6))
      System.Linq (>= 4.1) - restriction: || (== netstandard2.0) (&& (< net20) (>= net40) (>= netstandard1.6))
      System.Linq.Expressions (>= 4.1) - restriction: || (== netstandard2.0) (&& (< net20) (>= net40) (>= netstandard1.6))
      System.Linq.Queryable (>= 4.0.1) - restriction: || (== netstandard2.0) (&& (< net20) (>= net40) (>= netstandard1.6))
      System.Net.Requests (>= 4.0.11) - restriction: || (== netstandard2.0) (&& (< net20) (>= net40) (>= netstandard1.6))
      System.Reflection (>= 4.1) - restriction: || (== netstandard2.0) (&& (< net20) (>= net40) (>= netstandard1.6))
      System.Reflection.Extensions (>= 4.0.1) - restriction: || (== netstandard2.0) (&& (< net20) (>= net40) (>= netstandard1.6))
      System.Resources.ResourceManager (>= 4.0.1) - restriction: || (== netstandard2.0) (&& (< net20) (>= net40) (>= netstandard1.6))
      System.Runtime (>= 4.1) - restriction: || (== netstandard2.0) (&& (< net20) (>= net40) (>= netstandard1.6))
      System.Runtime.Extensions (>= 4.1) - restriction: || (== netstandard2.0) (&& (< net20) (>= net40) (>= netstandard1.6))
      System.Runtime.Numerics (>= 4.0.1) - restriction: || (== netstandard2.0) (&& (< net20) (>= net40) (>= netstandard1.6))
      System.Text.RegularExpressions (>= 4.1) - restriction: || (== netstandard2.0) (&& (< net20) (>= net40) (>= netstandard1.6))
      System.Threading (>= 4.0.11) - restriction: || (== netstandard2.0) (&& (< net20) (>= net40) (>= netstandard1.6))
      System.Threading.Tasks (>= 4.0.11) - restriction: || (== netstandard2.0) (&& (< net20) (>= net40) (>= netstandard1.6))
      System.Threading.Tasks.Parallel (>= 4.0.1) - restriction: || (== netstandard2.0) (&& (< net20) (>= net40) (>= netstandard1.6))
      System.Threading.Thread (>= 4.0) - restriction: || (== netstandard2.0) (&& (< net20) (>= net40) (>= netstandard1.6))
      System.Threading.ThreadPool (>= 4.0.10) - restriction: || (== netstandard2.0) (&& (< net20) (>= net40) (>= netstandard1.6))
      System.Threading.Timer (>= 4.0.1) - restriction: || (== netstandard2.0) (&& (< net20) (>= net40) (>= netstandard1.6))
    Microsoft.NETCore.Platforms (2.1.1)
    Microsoft.NETCore.Targets (2.1) - restriction: || (== netstandard2.0) (&& (>= net40) (< net45) (>= netstandard1.0) (< netstandard1.3)) (&& (>= net40) (< net45) (>= netstandard1.3) (< netstandard1.5)) (&& (>= net40) (< net45) (>= netstandard1.5)) (&& (>= net40) (< net46) (>= netstandard1.3)) (&& (>= net40) (< portable-net45+win8+wp8+wpa81))
    Microsoft.SqlServer.TransactSql.ScriptDom (14.0.3811.1)
    Microsoft.Win32.Primitives (4.3) - restriction: || (&& (== netstandard2.0) (< netstandard1.4)) (&& (== netstandard2.0) (< netstandard1.5)) (&& (== netstandard2.0) (< netstandard1.6)) (&& (>= net40) (< net45) (>= netstandard1.3) (< netstandard1.4)) (&& (>= net40) (< net45) (>= netstandard1.4) (< netstandard1.5)) (&& (>= net40) (< net45) (>= netstandard1.5) (< netstandard1.6)) (&& (>= net40) (< net45) (>= netstandard1.6) (< netstandard2.0)) (&& (>= net40) (< netstandard1.5) (>= uap10.0)) (&& (>= net46) (< netstandard1.4))
    Microsoft.Win32.Registry (4.5) - restriction: || (== netstandard2.0) (&& (>= net40) (< net451) (>= netstandard2.0)) (&& (>= net40) (>= netcoreapp2.0))
      System.Buffers (>= 4.4) - restriction: || (== netstandard2.0) (&& (>= monoandroid) (>= net40) (< netstandard2.0)) (&& (>= monotouch) (>= net40)) (&& (>= net40) (< net46) (>= netstandard2.0)) (&& (>= net40) (>= xamarinios)) (&& (>= net40) (>= xamarinmac)) (&& (>= net40) (>= xamarintvos)) (&& (>= net40) (>= xamarinwatchos))
      System.Memory (>= 4.5) - restriction: || (== netstandard2.0) (&& (>= net40) (< net46) (>= netstandard2.0)) (&& (>= net40) (>= netcoreapp2.0)) (&& (>= net40) (>= uap10.1))
      System.Security.AccessControl (>= 4.5) - restriction: || (== netstandard2.0) (&& (>= monoandroid) (>= net40) (< netstandard2.0)) (&& (>= monotouch) (>= net40)) (&& (>= net40) (< net46) (>= netstandard2.0)) (&& (>= net40) (>= netcoreapp2.0)) (&& (>= net40) (>= xamarinios)) (&& (>= net40) (>= xamarinmac)) (&& (>= net40) (>= xamarintvos)) (&& (>= net40) (>= xamarinwatchos)) (>= net461)
      System.Security.Principal.Windows (>= 4.5) - restriction: || (== netstandard2.0) (&& (>= monoandroid) (>= net40) (< netstandard2.0)) (&& (>= monotouch) (>= net40)) (&& (>= net40) (< net46) (>= netstandard2.0)) (&& (>= net40) (>= netcoreapp2.0)) (&& (>= net40) (>= xamarinios)) (&& (>= net40) (>= xamarinmac)) (&& (>= net40) (>= xamarintvos)) (&& (>= net40) (>= xamarinwatchos)) (>= net461)
    NETStandard.Library (2.0.3)
      Microsoft.NETCore.Platforms (>= 1.1) - restriction: || (== netstandard2.0) (&& (>= net40) (< net45) (>= netstandard1.1) (< netstandard1.2)) (&& (>= net40) (< net45) (>= netstandard1.2) (< netstandard1.3)) (&& (>= net40) (< net45) (>= netstandard1.3) (< netstandard1.4)) (&& (>= net40) (< net45) (>= netstandard1.4) (< netstandard1.5)) (&& (>= net40) (< net45) (>= netstandard1.5) (< netstandard1.6)) (&& (>= net40) (< net45) (>= netstandard1.6) (< netstandard2.0)) (&& (>= net40) (< net45) (>= netstandard2.0)) (&& (>= net40) (>= netcoreapp2.0)) (&& (>= net40) (>= netstandard1.0) (< portable-net45+win8+wpa81)) (&& (>= net40) (< netstandard1.0) (>= portable-net45+win8)) (&& (>= net40) (< netstandard1.0) (< portable-net45+win8) (>= portable-net45+win8+wpa81)) (&& (>= net40) (< netstandard1.0) (>= portable-net45+win8+wp8+wpa81) (< portable-net45+win8+wpa81)) (&& (>= net40) (< netstandard1.0) (>= win8)) (&& (>= net40) (< netstandard1.3) (>= wpa81)) (&& (>= net40) (< netstandard1.5) (>= uap10.0)) (&& (>= net40) (>= uap10.1)) (&& (>= net40) (>= wp8)) (&& (>= net45) (< netstandard1.3)) (&& (>= net46) (< netstandard1.4)) (>= net461)
      Microsoft.Win32.Primitives (>= 4.3) - restriction: || (&& (== netstandard2.0) (< netstandard1.4)) (&& (== netstandard2.0) (< netstandard1.5)) (&& (== netstandard2.0) (< netstandard1.6)) (&& (>= net40) (< net45) (>= netstandard1.3) (< netstandard1.4)) (&& (>= net40) (< net45) (>= netstandard1.4) (< netstandard1.5)) (&& (>= net40) (< net45) (>= netstandard1.5) (< netstandard1.6)) (&& (>= net40) (< net45) (>= netstandard1.6) (< netstandard2.0)) (&& (>= net40) (< netstandard1.5) (>= uap10.0)) (&& (>= net46) (< netstandard1.4))
      System.AppContext (>= 4.3) - restriction: || (&& (== netstandard2.0) (< netstandard1.4)) (&& (== netstandard2.0) (< netstandard1.5)) (&& (== netstandard2.0) (< netstandard1.6)) (&& (>= net40) (< net45) (>= netstandard1.3) (< netstandard1.4)) (&& (>= net40) (< net45) (>= netstandard1.4) (< netstandard1.5)) (&& (>= net40) (< net45) (>= netstandard1.5) (< netstandard1.6)) (&& (>= net40) (< net45) (>= netstandard1.6) (< netstandard2.0)) (&& (>= net40) (< netstandard1.5) (>= uap10.0)) (&& (>= net46) (< netstandard1.4))
      System.Console (>= 4.3) - restriction: || (&& (== netstandard2.0) (< netstandard1.4)) (&& (== netstandard2.0) (< netstandard1.5)) (&& (== netstandard2.0) (< netstandard1.6)) (&& (>= net40) (< net45) (>= netstandard1.3) (< netstandard1.4)) (&& (>= net40) (< net45) (>= netstandard1.4) (< netstandard1.5)) (&& (>= net40) (< net45) (>= netstandard1.5) (< netstandard1.6)) (&& (>= net40) (< net45) (>= netstandard1.6) (< netstandard2.0)) (&& (>= net40) (< netstandard1.5) (>= uap10.0)) (&& (>= net46) (< netstandard1.4))
      System.Globalization.Calendars (>= 4.3) - restriction: || (&& (== netstandard2.0) (< netstandard1.4)) (&& (== netstandard2.0) (< netstandard1.5)) (&& (== netstandard2.0) (< netstandard1.6)) (&& (>= net40) (< net45) (>= netstandard1.3) (< netstandard1.4)) (&& (>= net40) (< net45) (>= netstandard1.4) (< netstandard1.5)) (&& (>= net40) (< net45) (>= netstandard1.5) (< netstandard1.6)) (&& (>= net40) (< net45) (>= netstandard1.6) (< netstandard2.0)) (&& (>= net40) (< netstandard1.5) (>= uap10.0)) (&& (>= net46) (< netstandard1.4))
      System.IO.Compression (>= 4.3) - restriction: || (&& (== netstandard2.0) (< netstandard1.2)) (&& (== netstandard2.0) (< netstandard1.3)) (&& (== netstandard2.0) (< netstandard1.4)) (&& (== netstandard2.0) (< netstandard1.5)) (&& (== netstandard2.0) (< netstandard1.6)) (&& (>= net40) (< net45) (>= netstandard1.1) (< netstandard1.2)) (&& (>= net40) (< net45) (>= netstandard1.2) (< netstandard1.3)) (&& (>= net40) (< net45) (>= netstandard1.3) (< netstandard1.4)) (&& (>= net40) (< net45) (>= netstandard1.4) (< netstandard1.5)) (&& (>= net40) (< net45) (>= netstandard1.5) (< netstandard1.6)) (&& (>= net40) (< net45) (>= netstandard1.6) (< netstandard2.0)) (&& (>= net40) (< netstandard1.5) (>= uap10.0)) (&& (>= net46) (< netstandard1.4))
      System.IO.Compression.ZipFile (>= 4.3) - restriction: || (&& (== netstandard2.0) (< netstandard1.4)) (&& (== netstandard2.0) (< netstandard1.5)) (&& (== netstandard2.0) (< netstandard1.6)) (&& (>= net40) (< net45) (>= netstandard1.3) (< netstandard1.4)) (&& (>= net40) (< net45) (>= netstandard1.4) (< netstandard1.5)) (&& (>= net40) (< net45) (>= netstandard1.5) (< netstandard1.6)) (&& (>= net40) (< net45) (>= netstandard1.6) (< netstandard2.0)) (&& (>= net40) (< netstandard1.5) (>= uap10.0)) (&& (>= net46) (< netstandard1.4))
      System.IO.FileSystem (>= 4.3) - restriction: || (&& (== netstandard2.0) (< netstandard1.4)) (&& (== netstandard2.0) (< netstandard1.5)) (&& (== netstandard2.0) (< netstandard1.6)) (&& (>= net40) (< net45) (>= netstandard1.3) (< netstandard1.4)) (&& (>= net40) (< net45) (>= netstandard1.4) (< netstandard1.5)) (&& (>= net40) (< net45) (>= netstandard1.5) (< netstandard1.6)) (&& (>= net40) (< net45) (>= netstandard1.6) (< netstandard2.0)) (&& (>= net40) (< netstandard1.5) (>= uap10.0)) (&& (>= net46) (< netstandard1.4))
      System.IO.FileSystem.Primitives (>= 4.3) - restriction: || (&& (== netstandard2.0) (< netstandard1.4)) (&& (== netstandard2.0) (< netstandard1.5)) (&& (== netstandard2.0) (< netstandard1.6)) (&& (>= net40) (< net45) (>= netstandard1.3) (< netstandard1.4)) (&& (>= net40) (< net45) (>= netstandard1.4) (< netstandard1.5)) (&& (>= net40) (< net45) (>= netstandard1.5) (< netstandard1.6)) (&& (>= net40) (< net45) (>= netstandard1.6) (< netstandard2.0)) (&& (>= net40) (< netstandard1.5) (>= uap10.0)) (&& (>= net46) (< netstandard1.4))
      System.Net.Http (>= 4.3.2) - restriction: || (&& (== netstandard2.0) (< netstandard1.2)) (&& (== netstandard2.0) (< netstandard1.3)) (&& (== netstandard2.0) (< netstandard1.4)) (&& (== netstandard2.0) (< netstandard1.5)) (&& (== netstandard2.0) (< netstandard1.6)) (&& (>= net40) (< net45) (>= netstandard1.1) (< netstandard1.2)) (&& (>= net40) (< net45) (>= netstandard1.2) (< netstandard1.3)) (&& (>= net40) (< net45) (>= netstandard1.3) (< netstandard1.4)) (&& (>= net40) (< net45) (>= netstandard1.4) (< netstandard1.5)) (&& (>= net40) (< net45) (>= netstandard1.5) (< netstandard1.6)) (&& (>= net40) (< net45) (>= netstandard1.6) (< netstandard2.0)) (&& (>= net40) (< netstandard1.5) (>= uap10.0)) (&& (>= net46) (< netstandard1.4))
      System.Net.Sockets (>= 4.3) - restriction: || (&& (== netstandard2.0) (< netstandard1.4)) (&& (== netstandard2.0) (< netstandard1.5)) (&& (== netstandard2.0) (< netstandard1.6)) (&& (>= net40) (< net45) (>= netstandard1.3) (< netstandard1.4)) (&& (>= net40) (< net45) (>= netstandard1.4) (< netstandard1.5)) (&& (>= net40) (< net45) (>= netstandard1.5) (< netstandard1.6)) (&& (>= net40) (< net45) (>= netstandard1.6) (< netstandard2.0)) (&& (>= net40) (< netstandard1.5) (>= uap10.0)) (&& (>= net46) (< netstandard1.4))
      System.Runtime.InteropServices.RuntimeInformation (>= 4.3) - restriction: || (&& (== netstandard2.0) (< netstandard1.0)) (&& (== netstandard2.0) (< netstandard1.2)) (&& (== netstandard2.0) (< netstandard1.3)) (&& (== netstandard2.0) (< netstandard1.4)) (&& (== netstandard2.0) (< netstandard1.5)) (&& (== netstandard2.0) (< netstandard1.6)) (&& (>= net40) (< net45) (>= netstandard1.1) (< netstandard1.2)) (&& (>= net40) (< net45) (>= netstandard1.2) (< netstandard1.3)) (&& (>= net40) (< net45) (>= netstandard1.3) (< netstandard1.4)) (&& (>= net40) (< net45) (>= netstandard1.4) (< netstandard1.5)) (&& (>= net40) (< net45) (>= netstandard1.5) (< netstandard1.6)) (&& (>= net40) (< net45) (>= netstandard1.6) (< netstandard2.0)) (&& (>= net40) (< netstandard1.0) (>= portable-net45+win8)) (&& (>= net40) (< netstandard1.0) (< portable-net45+win8) (>= portable-net45+win8+wpa81)) (&& (>= net40) (< netstandard1.0) (>= win8)) (&& (>= net40) (< netstandard1.3) (>= wpa81)) (&& (>= net40) (< netstandard1.5) (>= uap10.0)) (&& (>= net45) (< netstandard1.3)) (&& (>= net46) (< netstandard1.4))
      System.Security.Cryptography.Algorithms (>= 4.3) - restriction: || (&& (== netstandard2.0) (< netstandard1.4)) (&& (== netstandard2.0) (< netstandard1.5)) (&& (== netstandard2.0) (< netstandard1.6)) (&& (>= net40) (< net45) (>= netstandard1.3) (< netstandard1.4)) (&& (>= net40) (< net45) (>= netstandard1.4) (< netstandard1.5)) (&& (>= net40) (< net45) (>= netstandard1.5) (< netstandard1.6)) (&& (>= net40) (< net45) (>= netstandard1.6) (< netstandard2.0)) (&& (>= net40) (< netstandard1.5) (>= uap10.0)) (&& (>= net46) (< netstandard1.4))
      System.Security.Cryptography.Encoding (>= 4.3) - restriction: || (&& (== netstandard2.0) (< netstandard1.4)) (&& (== netstandard2.0) (< netstandard1.5)) (&& (== netstandard2.0) (< netstandard1.6)) (&& (>= net40) (< net45) (>= netstandard1.3) (< netstandard1.4)) (&& (>= net40) (< net45) (>= netstandard1.4) (< netstandard1.5)) (&& (>= net40) (< net45) (>= netstandard1.5) (< netstandard1.6)) (&& (>= net40) (< net45) (>= netstandard1.6) (< netstandard2.0)) (&& (>= net40) (< netstandard1.5) (>= uap10.0)) (&& (>= net46) (< netstandard1.4))
      System.Security.Cryptography.Primitives (>= 4.3) - restriction: || (&& (== netstandard2.0) (< netstandard1.4)) (&& (== netstandard2.0) (< netstandard1.5)) (&& (== netstandard2.0) (< netstandard1.6)) (&& (>= net40) (< net45) (>= netstandard1.3) (< netstandard1.4)) (&& (>= net40) (< net45) (>= netstandard1.4) (< netstandard1.5)) (&& (>= net40) (< net45) (>= netstandard1.5) (< netstandard1.6)) (&& (>= net40) (< net45) (>= netstandard1.6) (< netstandard2.0)) (&& (>= net40) (< netstandard1.5) (>= uap10.0)) (&& (>= net46) (< netstandard1.4))
      System.Security.Cryptography.X509Certificates (>= 4.3) - restriction: || (&& (== netstandard2.0) (< netstandard1.4)) (&& (== netstandard2.0) (< netstandard1.5)) (&& (== netstandard2.0) (< netstandard1.6)) (&& (>= net40) (< net45) (>= netstandard1.3) (< netstandard1.4)) (&& (>= net40) (< net45) (>= netstandard1.4) (< netstandard1.5)) (&& (>= net40) (< net45) (>= netstandard1.5) (< netstandard1.6)) (&& (>= net40) (< net45) (>= netstandard1.6) (< netstandard2.0)) (&& (>= net40) (< netstandard1.5) (>= uap10.0)) (&& (>= net46) (< netstandard1.4))
      System.Xml.ReaderWriter (>= 4.3) - restriction: || (&& (== netstandard2.0) (< netstandard1.2)) (&& (== netstandard2.0) (< netstandard1.3)) (&& (== netstandard2.0) (< netstandard1.4)) (&& (== netstandard2.0) (< netstandard1.5)) (&& (== netstandard2.0) (< netstandard1.6)) (&& (== netstandard2.0) (< portable-net45+win8+wpa81)) (&& (>= net40) (< net45) (>= netstandard1.1) (< netstandard1.2)) (&& (>= net40) (< net45) (>= netstandard1.2) (< netstandard1.3)) (&& (>= net40) (< net45) (>= netstandard1.3) (< netstandard1.4)) (&& (>= net40) (< net45) (>= netstandard1.4) (< netstandard1.5)) (&& (>= net40) (< net45) (>= netstandard1.5) (< netstandard1.6)) (&& (>= net40) (< net45) (>= netstandard1.6) (< netstandard2.0)) (&& (>= net40) (>= netstandard1.0) (< portable-net45+win8+wpa81)) (&& (>= net40) (< netstandard1.5) (>= uap10.0)) (&& (>= net46) (< netstandard1.4))
    runtime.native.System.Data.SqlClient.sni (4.5) - restriction: || (== netstandard2.0) (&& (>= net40) (< net451) (>= netstandard1.3) (< netstandard2.0)) (&& (>= net40) (< net451) (>= netstandard2.0)) (&& (>= net40) (>= netcoreapp2.0))
      runtime.win-arm64.runtime.native.System.Data.SqlClient.sni (>= 4.4)
      runtime.win-x64.runtime.native.System.Data.SqlClient.sni (>= 4.4)
      runtime.win-x86.runtime.native.System.Data.SqlClient.sni (>= 4.4)
    runtime.win-arm64.runtime.native.System.Data.SqlClient.sni (4.4) - restriction: || (== netstandard2.0) (&& (>= net40) (< net451) (>= netstandard1.3) (< netstandard2.0)) (&& (>= net40) (< net451) (>= netstandard2.0)) (&& (>= net40) (>= netcoreapp2.0))
    runtime.win-x64.runtime.native.System.Data.SqlClient.sni (4.4) - restriction: || (== netstandard2.0) (&& (>= net40) (< net451) (>= netstandard1.3) (< netstandard2.0)) (&& (>= net40) (< net451) (>= netstandard2.0)) (&& (>= net40) (>= netcoreapp2.0))
    runtime.win-x86.runtime.native.System.Data.SqlClient.sni (4.4) - restriction: || (== netstandard2.0) (&& (>= net40) (< net451) (>= netstandard1.3) (< netstandard2.0)) (&& (>= net40) (< net451) (>= netstandard2.0)) (&& (>= net40) (>= netcoreapp2.0))
    System.AppContext (4.3) - restriction: || (&& (== netstandard2.0) (< netstandard1.4)) (&& (== netstandard2.0) (< netstandard1.5)) (&& (== netstandard2.0) (< netstandard1.6)) (&& (>= net40) (< net45) (>= netstandard1.3) (< netstandard1.4)) (&& (>= net40) (< net45) (>= netstandard1.4) (< netstandard1.5)) (&& (>= net40) (< net45) (>= netstandard1.5) (< netstandard1.6)) (&& (>= net40) (< net45) (>= netstandard1.6) (< netstandard2.0)) (&& (>= net40) (< netstandard1.5) (>= uap10.0)) (&& (>= net46) (< netstandard1.4))
    System.Buffers (4.5) - restriction: || (== netstandard2.0) (&& (>= net40) (< net451) (>= netstandard2.0))
    System.Collections (4.3) - restriction: || (== netstandard2.0) (&& (>= net40) (< net45) (>= netstandard1.0) (< netstandard1.3)) (&& (>= net40) (< net45) (< netstandard1.3) (>= netstandard1.6)) (&& (>= net40) (< net451) (>= netstandard1.2)) (&& (>= net40) (< portable-net45+win8+wp8+wpa81))
      Microsoft.NETCore.Platforms (>= 1.1) - restriction: || (== netstandard2.0) (&& (>= net40) (< net45) (>= netstandard1.0) (< netstandard1.3)) (&& (>= net40) (< net45) (>= netstandard1.3)) (&& (>= net40) (< portable-net45+win8+wp8+wpa81))
      Microsoft.NETCore.Targets (>= 1.1) - restriction: || (== netstandard2.0) (&& (>= net40) (< net45) (>= netstandard1.0) (< netstandard1.3)) (&& (>= net40) (< net45) (>= netstandard1.3)) (&& (>= net40) (< portable-net45+win8+wp8+wpa81))
      System.Runtime (>= 4.3) - restriction: || (== netstandard2.0) (&& (>= net40) (< net45) (>= netstandard1.0) (< netstandard1.3)) (&& (>= net40) (< net45) (>= netstandard1.3)) (&& (>= net40) (< portable-net45+win8+wp8+wpa81))
    System.Collections.Concurrent (4.3) - restriction: || (== netstandard2.0) (&& (< net20) (>= net40) (>= netstandard1.6))
      System.Collections (>= 4.3) - restriction: || (== netstandard2.0) (&& (>= net40) (< net45) (>= netstandard1.3)) (&& (>= net40) (< portable-net45+win8+wpa81))
      System.Diagnostics.Debug (>= 4.3) - restriction: || (== netstandard2.0) (&& (>= net40) (< net45) (>= netstandard1.3)) (&& (>= net40) (< portable-net45+win8+wpa81))
      System.Diagnostics.Tracing (>= 4.3) - restriction: || (== netstandard2.0) (&& (>= net40) (< net45) (>= netstandard1.3)) (&& (>= net40) (< portable-net45+win8+wpa81))
      System.Globalization (>= 4.3) - restriction: || (== netstandard2.0) (&& (>= net40) (< net45) (>= netstandard1.3)) (&& (>= net40) (< portable-net45+win8+wpa81))
      System.Reflection (>= 4.3) - restriction: || (== netstandard2.0) (&& (>= net40) (< net45) (>= netstandard1.3))
      System.Resources.ResourceManager (>= 4.3) - restriction: || (== netstandard2.0) (&& (>= net40) (< net45) (>= netstandard1.3)) (&& (>= net40) (< portable-net45+win8+wpa81))
      System.Runtime (>= 4.3) - restriction: || (== netstandard2.0) (&& (>= net40) (< net45) (>= netstandard1.1) (< netstandard1.3)) (&& (>= net40) (< net45) (>= netstandard1.3)) (&& (>= net40) (< portable-net45+win8+wpa81))
      System.Runtime.Extensions (>= 4.3) - restriction: || (== netstandard2.0) (&& (>= net40) (< net45) (>= netstandard1.3)) (&& (>= net40) (< portable-net45+win8+wpa81))
      System.Threading (>= 4.3) - restriction: || (== netstandard2.0) (&& (>= net40) (< net45) (>= netstandard1.3)) (&& (>= net40) (< portable-net45+win8+wpa81))
      System.Threading.Tasks (>= 4.3) - restriction: || (== netstandard2.0) (&& (>= net40) (< net45) (>= netstandard1.1) (< netstandard1.3)) (&& (>= net40) (< net45) (>= netstandard1.3)) (&& (>= net40) (< portable-net45+win8+wpa81))
    System.Configuration.ConfigurationManager (4.5)
      System.Security.Cryptography.ProtectedData (>= 4.5) - restriction: || (== netstandard2.0) (&& (>= net40) (< net461) (>= netstandard2.0))
      System.Security.Permissions (>= 4.5) - restriction: || (== netstandard2.0) (&& (>= monoandroid) (>= net40)) (&& (>= monotouch) (>= net40)) (&& (>= net40) (>= netstandard2.0)) (&& (>= net40) (>= xamarinmac)) (&& (>= net40) (>= xamarintvos)) (&& (>= net40) (>= xamarinwatchos)) (>= net461)
    System.Console (4.3.1)
      Microsoft.NETCore.Platforms (>= 1.1) - restriction: || (== netstandard2.0) (&& (>= net40) (< net46) (>= netstandard1.3))
      Microsoft.NETCore.Targets (>= 1.1.2) - restriction: || (== netstandard2.0) (&& (>= net40) (< net46) (>= netstandard1.3))
      System.IO (>= 4.3) - restriction: || (== netstandard2.0) (&& (>= net40) (< net46) (>= netstandard1.3))
      System.Runtime (>= 4.3) - restriction: || (== netstandard2.0) (&& (>= net40) (< net46) (>= netstandard1.3))
      System.Text.Encoding (>= 4.3) - restriction: || (== netstandard2.0) (&& (>= net40) (< net46) (>= netstandard1.3))
    System.Data.Common (4.3)
      System.Collections (>= 4.3) - restriction: || (== netstandard2.0) (&& (>= net40) (< net451) (>= netstandard1.2))
      System.Globalization (>= 4.3) - restriction: || (== netstandard2.0) (&& (>= net40) (< net451) (>= netstandard1.2))
      System.IO (>= 4.3) - restriction: || (== netstandard2.0) (&& (>= net40) (< net451) (>= netstandard1.2))
      System.Resources.ResourceManager (>= 4.3) - restriction: || (== netstandard2.0) (&& (>= net40) (< net451) (>= netstandard1.2))
      System.Runtime (>= 4.3) - restriction: || (== netstandard2.0) (&& (>= net40) (< net451) (>= netstandard1.2))
      System.Runtime.Extensions (>= 4.3) - restriction: || (== netstandard2.0) (&& (>= net40) (< net451) (>= netstandard1.2))
      System.Text.RegularExpressions (>= 4.3) - restriction: || (== netstandard2.0) (&& (>= net40) (< net451) (>= netstandard1.2))
      System.Threading.Tasks (>= 4.3) - restriction: || (== netstandard2.0) (&& (>= net40) (< net451) (>= netstandard1.2))
    System.Data.SqlClient (4.5.1)
      Microsoft.Win32.Registry (>= 4.5) - restriction: || (== netstandard2.0) (&& (>= net40) (< net451) (>= netstandard2.0)) (&& (>= net40) (>= netcoreapp2.0))
      runtime.native.System.Data.SqlClient.sni (>= 4.4) - restriction: || (== netstandard2.0) (&& (>= net40) (< net451) (>= netstandard1.3) (< netstandard2.0)) (&& (>= net40) (< net451) (>= netstandard2.0)) (&& (>= net40) (>= netcoreapp2.0))
      System.Buffers (>= 4.4) - restriction: || (== netstandard2.0) (&& (>= net40) (< net451) (>= netstandard2.0))
      System.Data.Common (>= 4.3) - restriction: || (&& (== netstandard2.0) (< netstandard1.2)) (&& (== netstandard2.0) (< netstandard1.3)) (&& (>= net40) (< net451) (>= netstandard1.2) (< netstandard1.3)) (&& (>= net40) (< net451) (>= netstandard1.3) (< netstandard2.0)) (&& (>= net40) (< netstandard1.2) (>= portable-net451+win81+wpa81)) (&& (>= net40) (< netstandard1.3) (>= wpa81)) (&& (>= net40) (< netstandard2.0) (>= win81)) (&& (>= net451) (< netstandard1.3)) (&& (>= net46) (< net461) (< netstandard2.0))
      System.Diagnostics.DiagnosticSource (>= 4.5) - restriction: || (== netstandard2.0) (&& (>= net40) (< net451) (>= netstandard2.0)) (&& (>= net40) (>= netcoreapp2.0)) (&& (>= net40) (>= uap10.1))
      System.Memory (>= 4.5.1) - restriction: || (== netstandard2.0) (&& (>= net40) (< net451) (>= netstandard2.0)) (&& (>= net40) (>= netcoreapp2.0)) (&& (>= net40) (>= uap10.1))
      System.Security.Principal.Windows (>= 4.5) - restriction: || (== netstandard2.0) (&& (>= net40) (< net451) (>= netstandard2.0)) (&& (>= net40) (>= netcoreapp2.0))
      System.Text.Encoding.CodePages (>= 4.5) - restriction: || (== netstandard2.0) (&& (>= net40) (< net451) (>= netstandard2.0)) (&& (>= net40) (>= netcoreapp2.0))
    System.Diagnostics.Contracts (4.3) - restriction: || (&& (== netstandard2.0) (< netstandard1.3)) (&& (>= net40) (< netstandard1.3))
      System.Runtime (>= 4.3) - restriction: || (== netstandard2.0) (&& (>= net40) (< net45) (>= netstandard1.0)) (&& (>= net40) (< portable-net45+win8+wp8+wpa81))
    System.Diagnostics.Debug (4.3) - restriction: || (== netstandard2.0) (&& (< net20) (>= net40) (>= netstandard1.6)) (&& (>= net40) (< netstandard1.3)) (&& (>= net40) (< portable-net45+win8+wp8+wpa81))
      Microsoft.NETCore.Platforms (>= 1.1) - restriction: || (== netstandard2.0) (&& (>= net40) (< net45) (>= netstandard1.0) (< netstandard1.3)) (&& (>= net40) (< net45) (>= netstandard1.3)) (&& (>= net40) (< portable-net45+win8+wp8+wpa81))
      Microsoft.NETCore.Targets (>= 1.1) - restriction: || (== netstandard2.0) (&& (>= net40) (< net45) (>= netstandard1.0) (< netstandard1.3)) (&& (>= net40) (< net45) (>= netstandard1.3)) (&& (>= net40) (< portable-net45+win8+wp8+wpa81))
      System.Runtime (>= 4.3) - restriction: || (== netstandard2.0) (&& (>= net40) (< net45) (>= netstandard1.0) (< netstandard1.3)) (&& (>= net40) (< net45) (>= netstandard1.3)) (&& (>= net40) (< portable-net45+win8+wp8+wpa81))
    System.Diagnostics.DiagnosticSource (4.5.1) - restriction: || (== netstandard2.0) (&& (>= net40) (< net451) (>= netstandard2.0)) (&& (>= net40) (>= netcoreapp2.0)) (&& (>= net40) (>= uap10.1))
    System.Diagnostics.Tools (4.3) - restriction: || (== netstandard2.0) (&& (< net20) (>= net40) (>= netstandard1.6))
      Microsoft.NETCore.Platforms (>= 1.1) - restriction: || (== netstandard2.0) (&& (>= net40) (< net45) (>= netstandard1.0)) (&& (>= net40) (< portable-net45+win8+wp8+wpa81))
      Microsoft.NETCore.Targets (>= 1.1) - restriction: || (== netstandard2.0) (&& (>= net40) (< net45) (>= netstandard1.0)) (&& (>= net40) (< portable-net45+win8+wp8+wpa81))
      System.Runtime (>= 4.3) - restriction: || (== netstandard2.0) (&& (>= net40) (< net45) (>= netstandard1.0)) (&& (>= net40) (< portable-net45+win8+wp8+wpa81))
    System.Diagnostics.Tracing (4.3) - restriction: || (== netstandard2.0) (&& (< net20) (>= net40) (>= netstandard1.6))
      Microsoft.NETCore.Platforms (>= 1.1) - restriction: || (== netstandard2.0) (&& (>= net40) (< net45) (>= netstandard1.1) (< netstandard1.2)) (&& (>= net40) (< net45) (>= netstandard1.2) (< netstandard1.3)) (&& (>= net40) (< net45) (>= netstandard1.3) (< netstandard1.5)) (&& (>= net40) (< net45) (>= netstandard1.5)) (&& (>= net40) (< portable-net45+win8+wpa81))
      Microsoft.NETCore.Targets (>= 1.1) - restriction: || (== netstandard2.0) (&& (>= net40) (< net45) (>= netstandard1.1) (< netstandard1.2)) (&& (>= net40) (< net45) (>= netstandard1.2) (< netstandard1.3)) (&& (>= net40) (< net45) (>= netstandard1.3) (< netstandard1.5)) (&& (>= net40) (< net45) (>= netstandard1.5)) (&& (>= net40) (< portable-net45+win8+wpa81))
      System.Runtime (>= 4.3) - restriction: || (== netstandard2.0) (&& (>= net40) (< net45) (>= netstandard1.1) (< netstandard1.2)) (&& (>= net40) (< net45) (>= netstandard1.2) (< netstandard1.3)) (&& (>= net40) (< net45) (>= netstandard1.3) (< netstandard1.5)) (&& (>= net40) (< net45) (>= netstandard1.5)) (&& (>= net40) (< portable-net45+win8+wpa81))
    System.Globalization (4.3) - restriction: || (== netstandard2.0) (&& (>= net40) (< net451) (>= netstandard1.2))
      Microsoft.NETCore.Platforms (>= 1.1) - restriction: || (== netstandard2.0) (&& (>= net40) (< net45) (>= netstandard1.0) (< netstandard1.3)) (&& (>= net40) (< net45) (>= netstandard1.3)) (&& (>= net40) (< portable-net45+win8+wp8+wpa81))
      Microsoft.NETCore.Targets (>= 1.1) - restriction: || (== netstandard2.0) (&& (>= net40) (< net45) (>= netstandard1.0) (< netstandard1.3)) (&& (>= net40) (< net45) (>= netstandard1.3)) (&& (>= net40) (< portable-net45+win8+wp8+wpa81))
      System.Runtime (>= 4.3) - restriction: || (== netstandard2.0) (&& (>= net40) (< net45) (>= netstandard1.0) (< netstandard1.3)) (&& (>= net40) (< net45) (>= netstandard1.3)) (&& (>= net40) (< portable-net45+win8+wp8+wpa81))
    System.Globalization.Calendars (4.3) - restriction: || (&& (== netstandard2.0) (< netstandard1.4)) (&& (== netstandard2.0) (< netstandard1.5)) (&& (== netstandard2.0) (< netstandard1.6)) (&& (>= net40) (< net45) (>= netstandard1.3) (< netstandard1.4)) (&& (>= net40) (< net45) (>= netstandard1.4) (< netstandard1.5)) (&& (>= net40) (< net45) (>= netstandard1.5) (< netstandard1.6)) (&& (>= net40) (< net45) (>= netstandard1.6) (< netstandard2.0)) (&& (>= net40) (< netstandard1.5) (>= uap10.0)) (&& (>= net46) (< netstandard1.4))
    System.IO (4.3)
      Microsoft.NETCore.Platforms (>= 1.1) - restriction: || (== netstandard2.0) (&& (>= net40) (< net45) (>= netstandard1.0) (< netstandard1.3)) (&& (>= net40) (< net45) (>= netstandard1.3) (< netstandard1.5)) (&& (>= net40) (< net45) (>= netstandard1.5)) (&& (>= net40) (< portable-net45+win8+wp8+wpa81))
      Microsoft.NETCore.Targets (>= 1.1) - restriction: || (== netstandard2.0) (&& (>= net40) (< net45) (>= netstandard1.0) (< netstandard1.3)) (&& (>= net40) (< net45) (>= netstandard1.3) (< netstandard1.5)) (&& (>= net40) (< net45) (>= netstandard1.5)) (&& (>= net40) (< portable-net45+win8+wp8+wpa81))
      System.Runtime (>= 4.3) - restriction: || (== netstandard2.0) (&& (>= net40) (< net45) (>= netstandard1.0) (< netstandard1.3)) (&& (>= net40) (< net45) (>= netstandard1.3) (< netstandard1.5)) (&& (>= net40) (< net45) (>= netstandard1.5)) (&& (>= net40) (< portable-net45+win8+wp8+wpa81))
      System.Text.Encoding (>= 4.3) - restriction: || (== netstandard2.0) (&& (>= net40) (< net45) (>= netstandard1.0) (< netstandard1.3)) (&& (>= net40) (< net45) (>= netstandard1.3) (< netstandard1.5)) (&& (>= net40) (< net45) (>= netstandard1.5)) (&& (>= net40) (< portable-net45+win8+wp8+wpa81))
      System.Threading.Tasks (>= 4.3) - restriction: || (== netstandard2.0) (&& (>= net40) (< net45) (>= netstandard1.0) (< netstandard1.3)) (&& (>= net40) (< net45) (>= netstandard1.3) (< netstandard1.5)) (&& (>= net40) (< net45) (>= netstandard1.5)) (&& (>= net40) (< portable-net45+win8+wp8+wpa81))
    System.IO.Compression (4.3) - restriction: || (&& (== netstandard2.0) (< netstandard1.2)) (&& (== netstandard2.0) (< netstandard1.3)) (&& (== netstandard2.0) (< netstandard1.4)) (&& (== netstandard2.0) (< netstandard1.5)) (&& (== netstandard2.0) (< netstandard1.6)) (&& (>= net40) (< net45) (>= netstandard1.1) (< netstandard1.2)) (&& (>= net40) (< net45) (>= netstandard1.2) (< netstandard1.3)) (&& (>= net40) (< net45) (>= netstandard1.3) (< netstandard1.4)) (&& (>= net40) (< net45) (>= netstandard1.4) (< netstandard1.5)) (&& (>= net40) (< net45) (>= netstandard1.5) (< netstandard1.6)) (&& (>= net40) (< net45) (>= netstandard1.6) (< netstandard2.0)) (&& (>= net40) (< netstandard1.5) (>= uap10.0)) (&& (>= net46) (< netstandard1.4))
    System.IO.Compression.ZipFile (4.3) - restriction: || (&& (== netstandard2.0) (< netstandard1.4)) (&& (== netstandard2.0) (< netstandard1.5)) (&& (== netstandard2.0) (< netstandard1.6)) (&& (>= net40) (< net45) (>= netstandard1.3) (< netstandard1.4)) (&& (>= net40) (< net45) (>= netstandard1.4) (< netstandard1.5)) (&& (>= net40) (< net45) (>= netstandard1.5) (< netstandard1.6)) (&& (>= net40) (< net45) (>= netstandard1.6) (< netstandard2.0)) (&& (>= net40) (< netstandard1.5) (>= uap10.0)) (&& (>= net46) (< netstandard1.4))
    System.IO.FileSystem (4.3) - restriction: || (&& (== netstandard2.0) (< netstandard1.4)) (&& (== netstandard2.0) (< netstandard1.5)) (&& (== netstandard2.0) (< netstandard1.6)) (&& (>= net40) (< net45) (>= netstandard1.3) (< netstandard1.4)) (&& (>= net40) (< net45) (>= netstandard1.4) (< netstandard1.5)) (&& (>= net40) (< net45) (>= netstandard1.5) (< netstandard1.6)) (&& (>= net40) (< net45) (>= netstandard1.6) (< netstandard2.0)) (&& (>= net40) (< netstandard1.5) (>= uap10.0)) (&& (>= net46) (< netstandard1.4))
      System.IO.FileSystem.Primitives (>= 4.3) - restriction: || (== netstandard2.0) (&& (>= net40) (>= netstandard1.3)) (>= net46)
    System.IO.FileSystem.Primitives (4.3) - restriction: || (&& (== netstandard2.0) (< netstandard1.4)) (&& (== netstandard2.0) (< netstandard1.5)) (&& (== netstandard2.0) (< netstandard1.6)) (&& (>= net40) (< net45) (>= netstandard1.3) (< netstandard1.4)) (&& (>= net40) (< net45) (>= netstandard1.4) (< netstandard1.5)) (&& (>= net40) (< net45) (>= netstandard1.5) (< netstandard1.6)) (&& (>= net40) (< net45) (>= netstandard1.6) (< netstandard2.0)) (&& (>= net40) (< netstandard1.5) (>= uap10.0)) (&& (>= net46) (< netstandard1.4))
    System.Linq (4.3) - restriction: || (== netstandard2.0) (&& (< net20) (>= net40) (>= netstandard1.6)) (&& (>= net40) (< netstandard1.3))
      System.Collections (>= 4.3) - restriction: || (== netstandard2.0) (&& (>= net40) (< net45) (>= netstandard1.0) (< netstandard1.6)) (&& (>= net40) (< net45) (>= netstandard1.6)) (&& (>= net40) (< portable-net45+win8+wp8+wpa81))
      System.Diagnostics.Debug (>= 4.3) - restriction: || (== netstandard2.0) (&& (>= net40) (< net45) (>= netstandard1.6)) (&& (>= net40) (< portable-net45+win8+wp8+wpa81))
      System.Resources.ResourceManager (>= 4.3) - restriction: || (== netstandard2.0) (&& (>= net40) (< net45) (>= netstandard1.6)) (&& (>= net40) (< portable-net45+win8+wp8+wpa81))
      System.Runtime (>= 4.3) - restriction: || (== netstandard2.0) (&& (>= net40) (< net45) (>= netstandard1.0) (< netstandard1.6)) (&& (>= net40) (< net45) (>= netstandard1.6)) (&& (>= net40) (< portable-net45+win8+wp8+wpa81))
      System.Runtime.Extensions (>= 4.3) - restriction: || (== netstandard2.0) (&& (>= net40) (< net45) (>= netstandard1.6)) (&& (>= net40) (< portable-net45+win8+wp8+wpa81))
    System.Linq.Expressions (4.3) - restriction: || (== netstandard2.0) (&& (< net20) (>= net40) (>= netstandard1.6))
      System.Collections (>= 4.3) - restriction: || (== netstandard2.0) (&& (>= net40) (< net45) (>= netstandard1.6)) (&& (>= net40) (< portable-net45+win8+wp8+wpa81))
      System.Diagnostics.Debug (>= 4.3) - restriction: || (== netstandard2.0) (&& (>= net40) (< net45) (>= netstandard1.6)) (&& (>= net40) (< portable-net45+win8+wp8+wpa81))
      System.Globalization (>= 4.3) - restriction: || (== netstandard2.0) (&& (>= net40) (< net45) (>= netstandard1.6)) (&& (>= net40) (< portable-net45+win8+wp8+wpa81))
      System.IO (>= 4.3) - restriction: || (== netstandard2.0) (&& (>= net40) (< net45) (>= netstandard1.6)) (&& (>= net40) (< portable-net45+win8+wp8+wpa81))
      System.Linq (>= 4.3) - restriction: || (== netstandard2.0) (&& (>= net40) (< net45) (>= netstandard1.6)) (&& (>= net40) (< portable-net45+win8+wp8+wpa81))
      System.ObjectModel (>= 4.3) - restriction: || (== netstandard2.0) (&& (>= net40) (< net45) (>= netstandard1.6))
      System.Reflection (>= 4.3) - restriction: || (== netstandard2.0) (&& (>= net40) (< net45) (>= netstandard1.0) (< netstandard1.3)) (&& (>= net40) (< net45) (>= netstandard1.3) (< netstandard1.6)) (&& (>= net40) (< net45) (>= netstandard1.6)) (&& (>= net40) (< portable-net45+win8+wp8+wpa81))
      System.Reflection.Emit (>= 4.3) - restriction: || (== netstandard2.0) (&& (>= net40) (< net45) (>= netstandard1.6))
      System.Reflection.Emit.ILGeneration (>= 4.3) - restriction: || (== netstandard2.0) (&& (>= net40) (< net45) (>= netstandard1.6)) (&& (>= net40) (< portable-net45+win8+wp8+wpa81))
      System.Reflection.Emit.Lightweight (>= 4.3) - restriction: || (== netstandard2.0) (&& (>= net40) (< net45) (>= netstandard1.6)) (&& (>= net40) (< portable-net45+win8+wp8+wpa81))
      System.Reflection.Extensions (>= 4.3) - restriction: || (== netstandard2.0) (&& (>= net40) (< net45) (>= netstandard1.6)) (&& (>= net40) (< portable-net45+win8+wp8+wpa81))
      System.Reflection.Primitives (>= 4.3) - restriction: || (== netstandard2.0) (&& (>= net40) (< net45) (>= netstandard1.6)) (&& (>= net40) (< portable-net45+win8+wp8+wpa81))
      System.Reflection.TypeExtensions (>= 4.3) - restriction: || (== netstandard2.0) (&& (>= net40) (< net45) (>= netstandard1.6)) (&& (>= net40) (< portable-net45+win8+wp8+wpa81))
      System.Resources.ResourceManager (>= 4.3) - restriction: || (== netstandard2.0) (&& (>= net40) (< net45) (>= netstandard1.6)) (&& (>= net40) (< portable-net45+win8+wp8+wpa81))
      System.Runtime (>= 4.3) - restriction: || (== netstandard2.0) (&& (>= net40) (< net45) (>= netstandard1.0) (< netstandard1.3)) (&& (>= net40) (< net45) (>= netstandard1.3) (< netstandard1.6)) (&& (>= net40) (< net45) (>= netstandard1.6)) (&& (>= net40) (< portable-net45+win8+wp8+wpa81))
      System.Runtime.Extensions (>= 4.3) - restriction: || (== netstandard2.0) (&& (>= net40) (< net45) (>= netstandard1.6)) (&& (>= net40) (< portable-net45+win8+wp8+wpa81))
      System.Threading (>= 4.3) - restriction: || (== netstandard2.0) (&& (>= net40) (< net45) (>= netstandard1.6)) (&& (>= net40) (< portable-net45+win8+wp8+wpa81))
    System.Linq.Queryable (4.3) - restriction: || (== netstandard2.0) (&& (< net20) (>= net40) (>= netstandard1.6))
      System.Collections (>= 4.3) - restriction: || (== netstandard2.0) (&& (>= net40) (< net45) (>= netstandard1.3)) (&& (>= net40) (< portable-net45+win8+wp8+wpa81))
      System.Diagnostics.Debug (>= 4.3) - restriction: || (== netstandard2.0) (&& (>= net40) (< net45) (>= netstandard1.3)) (&& (>= net40) (< portable-net45+win8+wp8+wpa81))
      System.Linq (>= 4.3) - restriction: || (== netstandard2.0) (&& (>= net40) (< net45) (>= netstandard1.0) (< netstandard1.3)) (&& (>= net40) (< net45) (>= netstandard1.3)) (&& (>= net40) (< portable-net45+win8+wp8+wpa81))
      System.Linq.Expressions (>= 4.3) - restriction: || (== netstandard2.0) (&& (>= net40) (< net45) (>= netstandard1.0) (< netstandard1.3)) (&& (>= net40) (< net45) (>= netstandard1.3)) (&& (>= net40) (< portable-net45+win8+wp8+wpa81))
      System.Reflection (>= 4.3) - restriction: || (== netstandard2.0) (&& (>= net40) (< net45) (>= netstandard1.3)) (&& (>= net40) (< portable-net45+win8+wp8+wpa81))
      System.Reflection.Extensions (>= 4.3) - restriction: || (== netstandard2.0) (&& (>= net40) (< net45) (>= netstandard1.3)) (&& (>= net40) (< portable-net45+win8+wp8+wpa81))
      System.Resources.ResourceManager (>= 4.3) - restriction: || (== netstandard2.0) (&& (>= net40) (< net45) (>= netstandard1.3)) (&& (>= net40) (< portable-net45+win8+wp8+wpa81))
      System.Runtime (>= 4.3) - restriction: || (== netstandard2.0) (&& (>= net40) (< net45) (>= netstandard1.0) (< netstandard1.3)) (&& (>= net40) (< net45) (>= netstandard1.3)) (&& (>= net40) (< portable-net45+win8+wp8+wpa81))
    System.Memory (4.5.1) - restriction: || (== netstandard2.0) (&& (>= net40) (< net451) (>= netstandard2.0)) (&& (>= net40) (>= netcoreapp2.0)) (&& (>= net40) (>= uap10.1))
      System.Buffers (>= 4.4) - restriction: || (== netstandard2.0) (&& (>= monoandroid) (>= net40) (< netstandard2.0)) (&& (>= monotouch) (>= net40)) (&& (>= net40) (< net45) (>= netstandard1.1) (< netstandard2.0)) (&& (>= net40) (< net45) (>= netstandard2.0)) (&& (>= net40) (< netstandard1.1) (>= portable-net45+win8+wpa81)) (&& (>= net40) (< netstandard1.1) (>= win8)) (&& (>= net40) (< netstandard2.0) (>= wpa81)) (&& (>= net40) (>= xamarinios)) (&& (>= net40) (>= xamarinmac)) (&& (>= net40) (>= xamarintvos)) (&& (>= net40) (>= xamarinwatchos)) (&& (>= net45) (< netstandard2.0)) (>= net461)
      System.Numerics.Vectors (>= 4.4) - restriction: || (== netstandard2.0) (&& (>= net40) (< net45) (>= netstandard2.0)) (>= net461)
      System.Runtime.CompilerServices.Unsafe (>= 4.5) - restriction: || (== netstandard2.0) (&& (>= monoandroid) (>= net40) (< netstandard2.0)) (&& (>= monotouch) (>= net40)) (&& (>= net40) (< net45) (>= netstandard1.1) (< netstandard2.0)) (&& (>= net40) (< net45) (>= netstandard2.0)) (&& (>= net40) (>= netcoreapp2.0)) (&& (>= net40) (< netstandard1.1) (>= portable-net45+win8+wpa81)) (&& (>= net40) (< netstandard1.1) (>= win8)) (&& (>= net40) (< netstandard2.0) (>= wpa81)) (&& (>= net40) (>= uap10.1)) (&& (>= net40) (>= xamarinios)) (&& (>= net40) (>= xamarinmac)) (&& (>= net40) (>= xamarintvos)) (&& (>= net40) (>= xamarinwatchos)) (&& (>= net45) (< netstandard2.0)) (>= net461)
    System.Net.Http (4.3.4) - restriction: || (== netstandard2.0) (&& (< net20) (>= net40) (>= netstandard1.6)) (&& (>= net40) (< net45) (>= netstandard1.1) (< netstandard1.2)) (&& (>= net40) (< net45) (>= netstandard1.2) (< netstandard1.3)) (&& (>= net40) (< net45) (>= netstandard1.3) (< netstandard1.4)) (&& (>= net40) (< net45) (>= netstandard1.4) (< netstandard1.5)) (&& (>= net40) (< net45) (>= netstandard1.5) (< netstandard1.6)) (&& (>= net40) (< net45) (>= netstandard1.6) (< netstandard2.0)) (&& (>= net40) (< netstandard1.5) (>= uap10.0)) (&& (>= net46) (< netstandard1.4))
      System.Security.Cryptography.X509Certificates (>= 4.3) - restriction: || (== netstandard2.0) (&& (>= net40) (< net45) (>= netstandard1.3) (< netstandard1.6)) (&& (>= net40) (< net45) (>= netstandard1.6)) (&& (>= net40) (< portable-net45+win8+wpa81)) (>= net46)
    System.Net.Primitives (4.3) - restriction: || (== netstandard2.0) (&& (< net20) (>= net40) (>= netstandard1.6))
      Microsoft.NETCore.Platforms (>= 1.1) - restriction: || (== netstandard2.0) (&& (>= net40) (< net45) (>= netstandard1.1) (< netstandard1.3)) (&& (>= net40) (< net45) (>= netstandard1.3)) (&& (>= net40) (>= netstandard1.0) (< netstandard1.1)) (&& (>= net40) (< portable-net45+win8+wp8+wpa81))
      Microsoft.NETCore.Targets (>= 1.1) - restriction: || (== netstandard2.0) (&& (>= net40) (< net45) (>= netstandard1.1) (< netstandard1.3)) (&& (>= net40) (< net45) (>= netstandard1.3)) (&& (>= net40) (>= netstandard1.0) (< netstandard1.1)) (&& (>= net40) (< portable-net45+win8+wp8+wpa81))
      System.Runtime (>= 4.3) - restriction: || (== netstandard2.0) (&& (>= net40) (< net45) (>= netstandard1.1) (< netstandard1.3)) (&& (>= net40) (< net45) (>= netstandard1.3)) (&& (>= net40) (>= netstandard1.0) (< netstandard1.1)) (&& (>= net40) (< portable-net45+win8+wp8+wpa81))
      System.Runtime.Handles (>= 4.3) - restriction: || (== netstandard2.0) (&& (>= net40) (< net45) (>= netstandard1.3)) (&& (>= net40) (< portable-net45+win8+wp8+wpa81))
    System.Net.Requests (4.3) - restriction: || (== netstandard2.0) (&& (< net20) (>= net40) (>= netstandard1.6))
      Microsoft.NETCore.Platforms (>= 1.1) - restriction: || (== netstandard2.0) (&& (>= net40) (< net45) (>= netstandard1.3))
      System.Collections (>= 4.3) - restriction: || (== netstandard2.0) (&& (>= net40) (< net45) (>= netstandard1.3)) (&& (>= net40) (< portable-net45+win8+wp8+wpa81))
      System.Diagnostics.Debug (>= 4.3) - restriction: || (== netstandard2.0) (&& (>= net40) (< net45) (>= netstandard1.3)) (&& (>= net40) (< portable-net45+win8+wp8+wpa81))
      System.Diagnostics.Tracing (>= 4.3) - restriction: || (== netstandard2.0) (&& (>= net40) (< net45) (>= netstandard1.3)) (&& (>= net40) (< portable-net45+win8+wp8+wpa81))
      System.Globalization (>= 4.3) - restriction: || (== netstandard2.0) (&& (>= net40) (< net45) (>= netstandard1.3)) (&& (>= net40) (< portable-net45+win8+wp8+wpa81))
      System.IO (>= 4.3) - restriction: || (== netstandard2.0) (&& (>= net40) (< net45) (>= netstandard1.1) (< netstandard1.3)) (&& (>= net40) (< net45) (>= netstandard1.3)) (&& (>= net40) (>= netstandard1.0) (< netstandard1.1)) (&& (>= net40) (< portable-net45+win8+wp8+wpa81))
      System.Net.Http (>= 4.3) - restriction: || (== netstandard2.0) (&& (>= net40) (< net45) (>= netstandard1.3)) (&& (>= net40) (< portable-net45+win8+wp8+wpa81))
      System.Net.Primitives (>= 4.3) - restriction: || (== netstandard2.0) (&& (>= net40) (< net45) (>= netstandard1.1) (< netstandard1.3)) (&& (>= net40) (< net45) (>= netstandard1.3)) (&& (>= net40) (>= netstandard1.0) (< netstandard1.1)) (&& (>= net40) (< portable-net45+win8+wp8+wpa81))
      System.Net.WebHeaderCollection (>= 4.3) - restriction: || (== netstandard2.0) (&& (>= net40) (< net45) (>= netstandard1.3)) (&& (>= net40) (< portable-net45+win8+wp8+wpa81))
      System.Resources.ResourceManager (>= 4.3) - restriction: || (== netstandard2.0) (&& (>= net40) (< net45) (>= netstandard1.3)) (&& (>= net40) (< portable-net45+win8+wp8+wpa81))
      System.Runtime (>= 4.3) - restriction: || (== netstandard2.0) (&& (>= net40) (< net45) (>= netstandard1.1) (< netstandard1.3)) (&& (>= net40) (< net45) (>= netstandard1.3)) (&& (>= net40) (>= netstandard1.0) (< netstandard1.1)) (&& (>= net40) (< portable-net45+win8+wp8+wpa81))
      System.Threading (>= 4.3) - restriction: || (== netstandard2.0) (&& (>= net40) (< net45) (>= netstandard1.3)) (&& (>= net40) (< portable-net45+win8+wp8+wpa81))
      System.Threading.Tasks (>= 4.3) - restriction: || (== netstandard2.0) (&& (>= net40) (< net45) (>= netstandard1.1) (< netstandard1.3)) (&& (>= net40) (< net45) (>= netstandard1.3)) (&& (>= net40) (< portable-net45+win8+wp8+wpa81))
    System.Net.Sockets (4.3) - restriction: || (&& (== netstandard2.0) (< netstandard1.4)) (&& (== netstandard2.0) (< netstandard1.5)) (&& (== netstandard2.0) (< netstandard1.6)) (&& (>= net40) (< net45) (>= netstandard1.3) (< netstandard1.4)) (&& (>= net40) (< net45) (>= netstandard1.4) (< netstandard1.5)) (&& (>= net40) (< net45) (>= netstandard1.5) (< netstandard1.6)) (&& (>= net40) (< net45) (>= netstandard1.6) (< netstandard2.0)) (&& (>= net40) (< netstandard1.5) (>= uap10.0)) (&& (>= net46) (< netstandard1.4))
    System.Net.WebHeaderCollection (4.3) - restriction: || (== netstandard2.0) (&& (< net20) (>= net40) (>= netstandard1.6))
      System.Collections (>= 4.3) - restriction: || (== netstandard2.0) (&& (>= net40) (< net46) (>= netstandard1.3))
      System.Resources.ResourceManager (>= 4.3) - restriction: || (== netstandard2.0) (&& (>= net40) (< net46) (>= netstandard1.3))
      System.Runtime (>= 4.3) - restriction: || (== netstandard2.0) (&& (>= net40) (< net46) (>= netstandard1.3))
      System.Runtime.Extensions (>= 4.3) - restriction: || (== netstandard2.0) (&& (>= net40) (< net46) (>= netstandard1.3))
    System.Numerics.Vectors (4.5) - restriction: || (== netstandard2.0) (&& (>= net40) (< net45) (>= netstandard2.0)) (&& (>= net40) (>= netcoreapp2.0)) (&& (>= net40) (>= netstandard2.0) (>= uap10.1)) (&& (< net451) (>= net461) (>= netstandard2.0)) (&& (>= net461) (>= netcoreapp2.0)) (&& (>= net461) (>= uap10.1))
    System.ObjectModel (4.3) - restriction: || (== netstandard2.0) (&& (< net20) (>= net40) (>= netstandard1.6))
      System.Collections (>= 4.3) - restriction: || (== netstandard2.0) (&& (>= net40) (< net45) (>= netstandard1.3)) (&& (>= net40) (< portable-net45+win8+wp8+wpa81))
      System.Diagnostics.Debug (>= 4.3) - restriction: || (== netstandard2.0) (&& (>= net40) (< net45) (>= netstandard1.3)) (&& (>= net40) (< portable-net45+win8+wp8+wpa81))
      System.Resources.ResourceManager (>= 4.3) - restriction: || (== netstandard2.0) (&& (>= net40) (< net45) (>= netstandard1.3)) (&& (>= net40) (< portable-net45+win8+wp8+wpa81))
      System.Runtime (>= 4.3) - restriction: || (== netstandard2.0) (&& (>= net40) (< net45) (>= netstandard1.0) (< netstandard1.3)) (&& (>= net40) (< net45) (>= netstandard1.3)) (&& (>= net40) (< portable-net45+win8+wp8+wpa81))
      System.Threading (>= 4.3) - restriction: || (== netstandard2.0) (&& (>= net40) (< net45) (>= netstandard1.3)) (&& (>= net40) (< portable-net45+win8+wp8+wpa81))
    System.Reflection (4.3)
      Microsoft.NETCore.Platforms (>= 1.1) - restriction: || (== netstandard2.0) (&& (>= net40) (< net45) (>= netstandard1.0) (< netstandard1.3)) (&& (>= net40) (< net45) (>= netstandard1.3) (< netstandard1.5)) (&& (>= net40) (< net45) (>= netstandard1.5)) (&& (>= net40) (< portable-net45+win8+wp8+wpa81))
      Microsoft.NETCore.Targets (>= 1.1) - restriction: || (== netstandard2.0) (&& (>= net40) (< net45) (>= netstandard1.0) (< netstandard1.3)) (&& (>= net40) (< net45) (>= netstandard1.3) (< netstandard1.5)) (&& (>= net40) (< net45) (>= netstandard1.5)) (&& (>= net40) (< portable-net45+win8+wp8+wpa81))
      System.IO (>= 4.3) - restriction: || (== netstandard2.0) (&& (>= net40) (< net45) (>= netstandard1.0) (< netstandard1.3)) (&& (>= net40) (< net45) (>= netstandard1.3) (< netstandard1.5)) (&& (>= net40) (< net45) (>= netstandard1.5)) (&& (>= net40) (< portable-net45+win8+wp8+wpa81))
      System.Reflection.Primitives (>= 4.3) - restriction: || (== netstandard2.0) (&& (>= net40) (< net45) (>= netstandard1.0) (< netstandard1.3)) (&& (>= net40) (< net45) (>= netstandard1.3) (< netstandard1.5)) (&& (>= net40) (< net45) (>= netstandard1.5)) (&& (>= net40) (< portable-net45+win8+wp8+wpa81))
      System.Runtime (>= 4.3) - restriction: || (== netstandard2.0) (&& (>= net40) (< net45) (>= netstandard1.0) (< netstandard1.3)) (&& (>= net40) (< net45) (>= netstandard1.3) (< netstandard1.5)) (&& (>= net40) (< net45) (>= netstandard1.5)) (&& (>= net40) (< portable-net45+win8+wp8+wpa81))
    System.Reflection.Emit (4.3) - restriction: || (== netstandard2.0) (&& (< net20) (>= net40) (>= netstandard1.6))
      System.IO (>= 4.3) - restriction: || (== netstandard2.0) (&& (>= net40) (< net45) (>= netstandard1.1))
      System.Reflection (>= 4.3) - restriction: || (== netstandard2.0) (&& (>= net40) (< net45) (>= netstandard1.1))
      System.Reflection.Emit.ILGeneration (>= 4.3) - restriction: || (== netstandard2.0) (&& (>= net40) (< net45) (>= netstandard1.1))
      System.Reflection.Primitives (>= 4.3) - restriction: || (== netstandard2.0) (&& (>= net40) (< net45) (>= netstandard1.1))
      System.Runtime (>= 4.3) - restriction: || (== netstandard2.0) (&& (>= net40) (< net45) (>= netstandard1.1))
    System.Reflection.Emit.ILGeneration (4.3) - restriction: || (== netstandard2.0) (&& (< net20) (>= net40) (>= netstandard1.6))
      System.Reflection (>= 4.3) - restriction: || (== netstandard2.0) (&& (>= net40) (< net45) (>= netstandard1.0))
      System.Reflection.Primitives (>= 4.3) - restriction: || (== netstandard2.0) (&& (>= net40) (< net45) (>= netstandard1.0))
      System.Runtime (>= 4.3) - restriction: || (== netstandard2.0) (&& (>= net40) (< net45) (>= netstandard1.0))
    System.Reflection.Emit.Lightweight (4.3) - restriction: || (== netstandard2.0) (&& (< net20) (>= net40) (>= netstandard1.6))
      System.Reflection (>= 4.3) - restriction: || (== netstandard2.0) (&& (>= net40) (< net45) (>= netstandard1.0))
      System.Reflection.Emit.ILGeneration (>= 4.3) - restriction: || (== netstandard2.0) (&& (>= net40) (< net45) (>= netstandard1.0))
      System.Reflection.Primitives (>= 4.3) - restriction: || (== netstandard2.0) (&& (>= net40) (< net45) (>= netstandard1.0))
      System.Runtime (>= 4.3) - restriction: || (== netstandard2.0) (&& (>= net40) (< net45) (>= netstandard1.0))
    System.Reflection.Extensions (4.3) - restriction: || (== netstandard2.0) (&& (< net20) (>= net40) (>= netstandard1.6))
      Microsoft.NETCore.Platforms (>= 1.1) - restriction: || (== netstandard2.0) (&& (>= net40) (< net45) (>= netstandard1.0)) (&& (>= net40) (< portable-net45+win8+wp8+wpa81))
      Microsoft.NETCore.Targets (>= 1.1) - restriction: || (== netstandard2.0) (&& (>= net40) (< net45) (>= netstandard1.0)) (&& (>= net40) (< portable-net45+win8+wp8+wpa81))
      System.Reflection (>= 4.3) - restriction: || (== netstandard2.0) (&& (>= net40) (< net45) (>= netstandard1.0)) (&& (>= net40) (< portable-net45+win8+wp8+wpa81))
      System.Runtime (>= 4.3) - restriction: || (== netstandard2.0) (&& (>= net40) (< net45) (>= netstandard1.0)) (&& (>= net40) (< portable-net45+win8+wp8+wpa81))
    System.Reflection.Primitives (4.3) - restriction: || (== netstandard2.0) (&& (< net20) (>= net40) (>= netstandard1.6)) (&& (>= net40) (< net45) (>= netstandard1.3) (< netstandard1.5)) (&& (>= net40) (< net45) (>= netstandard1.5)) (&& (>= net40) (< netstandard1.3)) (&& (>= net40) (< portable-net45+win8+wp8+wpa81))
      Microsoft.NETCore.Platforms (>= 1.1) - restriction: || (== netstandard2.0) (&& (>= net40) (< net45) (>= netstandard1.0)) (&& (>= net40) (< portable-net45+win8+wp8+wpa81))
      Microsoft.NETCore.Targets (>= 1.1) - restriction: || (== netstandard2.0) (&& (>= net40) (< net45) (>= netstandard1.0)) (&& (>= net40) (< portable-net45+win8+wp8+wpa81))
      System.Runtime (>= 4.3) - restriction: || (== netstandard2.0) (&& (>= net40) (< net45) (>= netstandard1.0)) (&& (>= net40) (< portable-net45+win8+wp8+wpa81))
    System.Reflection.TypeExtensions (4.5.1)
      System.Diagnostics.Contracts (>= 4.3) - restriction: || (&& (== netstandard2.0) (< netstandard1.3)) (&& (>= net40) (< netstandard1.3))
      System.Diagnostics.Debug (>= 4.3) - restriction: || (&& (== netstandard2.0) (< netstandard1.3)) (&& (>= net40) (< netstandard1.3))
      System.Linq (>= 4.3) - restriction: || (&& (== netstandard2.0) (< netstandard1.3)) (&& (>= net40) (< netstandard1.3))
      System.Reflection (>= 4.3) - restriction: || (&& (== netstandard2.0) (< netstandard1.3)) (&& (== netstandard2.0) (< netstandard1.5)) (&& (>= net40) (< net46) (>= netstandard1.3) (< netstandard1.5)) (&& (>= net40) (< net46) (>= netstandard1.5) (< netstandard2.0)) (&& (>= net40) (< netstandard1.3))
      System.Reflection.Primitives (>= 4.3) - restriction: || (&& (== netstandard2.0) (< netstandard1.3)) (&& (>= net40) (< netstandard1.3))
      System.Resources.ResourceManager (>= 4.3) - restriction: || (&& (== netstandard2.0) (< netstandard1.3)) (&& (== netstandard2.0) (< netstandard1.5)) (&& (>= net40) (< net46) (>= netstandard1.3) (< netstandard1.5)) (&& (>= net40) (< net46) (>= netstandard1.5) (< netstandard2.0)) (&& (>= net40) (< netstandard1.3))
      System.Runtime (>= 4.3) - restriction: || (&& (== netstandard2.0) (< netstandard1.3)) (&& (== netstandard2.0) (< netstandard1.5)) (&& (>= net40) (< net46) (>= netstandard1.3) (< netstandard1.5)) (&& (>= net40) (< net46) (>= netstandard1.5) (< netstandard2.0)) (&& (>= net40) (< netstandard1.3))
      System.Runtime.Extensions (>= 4.3) - restriction: || (&& (== netstandard2.0) (< netstandard1.3)) (&& (>= net40) (< netstandard1.3))
    System.Resources.ResourceManager (4.3) - restriction: || (== netstandard2.0) (&& (>= net40) (< net45) (>= netstandard1.3)) (&& (>= net40) (< net451) (>= netstandard1.2)) (&& (>= net40) (< net46) (>= netstandard1.3) (< netstandard1.5)) (&& (>= net40) (< net46) (>= netstandard1.5) (< netstandard2.0)) (&& (>= net40) (< netstandard1.3)) (&& (>= net40) (< portable-net45+win8+wp8+wpa81))
      Microsoft.NETCore.Platforms (>= 1.1) - restriction: || (== netstandard2.0) (&& (>= net40) (< net45) (>= netstandard1.0)) (&& (>= net40) (< portable-net45+win8+wp8+wpa81))
      Microsoft.NETCore.Targets (>= 1.1) - restriction: || (== netstandard2.0) (&& (>= net40) (< net45) (>= netstandard1.0)) (&& (>= net40) (< portable-net45+win8+wp8+wpa81))
      System.Globalization (>= 4.3) - restriction: || (== netstandard2.0) (&& (>= net40) (< net45) (>= netstandard1.0)) (&& (>= net40) (< portable-net45+win8+wp8+wpa81))
      System.Reflection (>= 4.3) - restriction: || (== netstandard2.0) (&& (>= net40) (< net45) (>= netstandard1.0)) (&& (>= net40) (< portable-net45+win8+wp8+wpa81))
      System.Runtime (>= 4.3) - restriction: || (== netstandard2.0) (&& (>= net40) (< net45) (>= netstandard1.0)) (&& (>= net40) (< portable-net45+win8+wp8+wpa81))
    System.Runtime (4.3)
      Microsoft.NETCore.Platforms (>= 1.1) - restriction: || (== netstandard2.0) (&& (>= net40) (< net45) (>= netstandard1.0) (< netstandard1.2)) (&& (>= net40) (< net45) (>= netstandard1.2) (< netstandard1.3)) (&& (>= net40) (< net45) (>= netstandard1.3) (< netstandard1.5)) (&& (>= net40) (< net45) (>= netstandard1.5)) (&& (>= net40) (< portable-net45+win8+wp8+wpa81))
      Microsoft.NETCore.Targets (>= 1.1) - restriction: || (== netstandard2.0) (&& (>= net40) (< net45) (>= netstandard1.0) (< netstandard1.2)) (&& (>= net40) (< net45) (>= netstandard1.2) (< netstandard1.3)) (&& (>= net40) (< net45) (>= netstandard1.3) (< netstandard1.5)) (&& (>= net40) (< net45) (>= netstandard1.5)) (&& (>= net40) (< portable-net45+win8+wp8+wpa81))
    System.Runtime.Caching (4.5)
    System.Runtime.CompilerServices.Unsafe (4.5.2) - restriction: || (== netstandard2.0) (&& (>= monotouch) (>= net40) (>= netstandard2.0)) (&& (>= net40) (< net45) (>= netstandard2.0)) (&& (>= net40) (>= netcoreapp2.0)) (&& (>= net40) (< netstandard1.1) (>= netstandard2.0)) (&& (>= net40) (>= netstandard2.0) (>= xamarinmac)) (&& (>= net40) (>= netstandard2.0) (>= xamarintvos)) (&& (>= net40) (>= netstandard2.0) (>= xamarinwatchos)) (&& (>= net40) (>= uap10.1)) (&& (>= net40) (>= xamarinios)) (&& (>= net45) (>= netcoreapp2.0) (< netstandard2.0)) (&& (>= net45) (>= uap10.1)) (&& (< net451) (>= net461) (>= netstandard2.0)) (&& (>= net461) (>= netcoreapp2.0)) (&& (>= net461) (>= uap10.1))
    System.Runtime.Extensions (4.3) - restriction: || (== netstandard2.0) (&& (>= net40) (< net451) (>= netstandard1.2)) (&& (>= net40) (< netstandard1.3)) (&& (>= net40) (< portable-net45+win8+wp8+wpa81))
      Microsoft.NETCore.Platforms (>= 1.1) - restriction: || (== netstandard2.0) (&& (>= net40) (< net45) (>= netstandard1.0) (< netstandard1.3)) (&& (>= net40) (< net45) (>= netstandard1.3) (< netstandard1.5)) (&& (>= net40) (< net45) (>= netstandard1.5)) (&& (>= net40) (< portable-net45+win8+wp8+wpa81))
      Microsoft.NETCore.Targets (>= 1.1) - restriction: || (== netstandard2.0) (&& (>= net40) (< net45) (>= netstandard1.0) (< netstandard1.3)) (&& (>= net40) (< net45) (>= netstandard1.3) (< netstandard1.5)) (&& (>= net40) (< net45) (>= netstandard1.5)) (&& (>= net40) (< portable-net45+win8+wp8+wpa81))
      System.Runtime (>= 4.3) - restriction: || (== netstandard2.0) (&& (>= net40) (< net45) (>= netstandard1.0) (< netstandard1.3)) (&& (>= net40) (< net45) (>= netstandard1.3) (< netstandard1.5)) (&& (>= net40) (< net45) (>= netstandard1.5)) (&& (>= net40) (< portable-net45+win8+wp8+wpa81))
    System.Runtime.Handles (4.3) - restriction: || (== netstandard2.0) (&& (< net20) (>= net40) (>= netstandard1.6))
      Microsoft.NETCore.Platforms (>= 1.1) - restriction: || (== netstandard2.0) (&& (>= net40) (< net46) (>= netstandard1.3))
      Microsoft.NETCore.Targets (>= 1.1) - restriction: || (== netstandard2.0) (&& (>= net40) (< net46) (>= netstandard1.3))
      System.Runtime (>= 4.3) - restriction: || (== netstandard2.0) (&& (>= net40) (< net46) (>= netstandard1.3))
    System.Runtime.InteropServices.RuntimeInformation (4.3) - restriction: || (&& (== netstandard2.0) (< netstandard1.0)) (&& (== netstandard2.0) (< netstandard1.2)) (&& (== netstandard2.0) (< netstandard1.3)) (&& (== netstandard2.0) (< netstandard1.4)) (&& (== netstandard2.0) (< netstandard1.5)) (&& (== netstandard2.0) (< netstandard1.6)) (&& (>= net40) (< net45) (>= netstandard1.1) (< netstandard1.2)) (&& (>= net40) (< net45) (>= netstandard1.2) (< netstandard1.3)) (&& (>= net40) (< net45) (>= netstandard1.3) (< netstandard1.4)) (&& (>= net40) (< net45) (>= netstandard1.4) (< netstandard1.5)) (&& (>= net40) (< net45) (>= netstandard1.5) (< netstandard1.6)) (&& (>= net40) (< net45) (>= netstandard1.6) (< netstandard2.0)) (&& (>= net40) (< netstandard1.0) (>= portable-net45+win8)) (&& (>= net40) (< netstandard1.0) (< portable-net45+win8) (>= portable-net45+win8+wpa81)) (&& (>= net40) (< netstandard1.0) (>= win8)) (&& (>= net40) (< netstandard1.3) (>= wpa81)) (&& (>= net40) (< netstandard1.5) (>= uap10.0)) (&& (>= net45) (< netstandard1.3)) (&& (>= net46) (< netstandard1.4))
    System.Runtime.Loader (4.3)
      System.IO (>= 4.3) - restriction: || (== netstandard2.0) (&& (>= net40) (< net462) (>= netstandard1.5))
      System.Reflection (>= 4.3) - restriction: || (== netstandard2.0) (&& (>= net40) (< net462) (>= netstandard1.5))
      System.Runtime (>= 4.3) - restriction: || (== netstandard2.0) (&& (>= net40) (< net462) (>= netstandard1.5))
    System.Runtime.Numerics (4.3) - restriction: || (== netstandard2.0) (&& (< net20) (>= net40) (>= netstandard1.6))
      System.Globalization (>= 4.3) - restriction: || (== netstandard2.0) (&& (>= net40) (< net45) (>= netstandard1.3)) (&& (>= net40) (< portable-net45+win8+wpa81))
      System.Resources.ResourceManager (>= 4.3) - restriction: || (== netstandard2.0) (&& (>= net40) (< net45) (>= netstandard1.3)) (&& (>= net40) (< portable-net45+win8+wpa81))
      System.Runtime (>= 4.3) - restriction: || (== netstandard2.0) (&& (>= net40) (< net45) (>= netstandard1.1) (< netstandard1.3)) (&& (>= net40) (< net45) (>= netstandard1.3)) (&& (>= net40) (< portable-net45+win8+wpa81))
      System.Runtime.Extensions (>= 4.3) - restriction: || (== netstandard2.0) (&& (>= net40) (< net45) (>= netstandard1.3)) (&& (>= net40) (< portable-net45+win8+wpa81))
    System.Runtime.Serialization.Formatters (4.3)
      System.Collections (>= 4.3) - restriction: || (== netstandard2.0) (&& (>= net40) (< net46) (>= netstandard1.4))
      System.Reflection (>= 4.3) - restriction: || (== netstandard2.0) (&& (>= net40) (< net46) (>= netstandard1.4))
      System.Resources.ResourceManager (>= 4.3) - restriction: || (== netstandard2.0) (&& (>= net40) (< net46) (>= netstandard1.4))
      System.Runtime (>= 4.3) - restriction: || (== netstandard2.0) (&& (>= net40) (< net46) (>= netstandard1.3) (< netstandard1.4)) (&& (>= net40) (< net46) (>= netstandard1.4))
      System.Runtime.Serialization.Primitives (>= 4.3) - restriction: || (== netstandard2.0) (&& (>= net40) (>= netstandard1.3) (< netstandard1.4)) (&& (>= net40) (>= netstandard1.4)) (>= net46)
    System.Runtime.Serialization.Primitives (4.3)
      System.Resources.ResourceManager (>= 4.3) - restriction: || (== netstandard2.0) (&& (>= net40) (< net45) (>= netstandard1.3)) (&& (>= net40) (< portable-net45+win8+wp8+wpa81))
      System.Runtime (>= 4.3) - restriction: || (== netstandard2.0) (&& (>= net40) (< net45) (>= netstandard1.0) (< netstandard1.3)) (&& (>= net40) (< net45) (>= netstandard1.3)) (&& (>= net40) (< portable-net45+win8+wp8+wpa81))
    System.Security.AccessControl (4.5) - restriction: || (== netstandard2.0) (&& (>= net40) (>= netcoreapp2.0)) (&& (>= net40) (>= netstandard2.0)) (&& (>= net40) (>= xamarinios)) (>= net461)
      System.Security.Principal.Windows (>= 4.5) - restriction: || (== netstandard2.0) (&& (>= net40) (< net46) (>= netstandard2.0)) (&& (>= net40) (>= netcoreapp2.0)) (>= net461)
    System.Security.Cryptography.Algorithms (4.3.1) - restriction: || (&& (== netstandard2.0) (< netstandard1.4)) (&& (== netstandard2.0) (< netstandard1.5)) (&& (== netstandard2.0) (< netstandard1.6)) (&& (>= net40) (< net45) (>= netstandard1.3) (< netstandard1.4)) (&& (>= net40) (< net45) (>= netstandard1.4) (< netstandard1.5)) (&& (>= net40) (< net45) (>= netstandard1.5) (< netstandard1.6)) (&& (>= net40) (< net45) (>= netstandard1.6) (< netstandard2.0)) (&& (>= net40) (< netstandard1.5) (>= uap10.0)) (&& (>= net46) (< netstandard1.4))
      System.Security.Cryptography.Primitives (>= 4.3)
    System.Security.Cryptography.Encoding (4.3) - restriction: || (&& (== netstandard2.0) (< netstandard1.4)) (&& (== netstandard2.0) (< netstandard1.5)) (&& (== netstandard2.0) (< netstandard1.6)) (&& (>= net40) (< net45) (>= netstandard1.3) (< netstandard1.4)) (&& (>= net40) (< net45) (>= netstandard1.4) (< netstandard1.5)) (&& (>= net40) (< net45) (>= netstandard1.5) (< netstandard1.6)) (&& (>= net40) (< net45) (>= netstandard1.6) (< netstandard2.0)) (&& (>= net40) (< netstandard1.5) (>= uap10.0)) (&& (>= net46) (< netstandard1.4))
    System.Security.Cryptography.Primitives (4.3) - restriction: || (&& (== netstandard2.0) (< netstandard1.4)) (&& (== netstandard2.0) (< netstandard1.5)) (&& (== netstandard2.0) (< netstandard1.6)) (&& (>= net40) (< net45) (>= netstandard1.3) (< netstandard1.4)) (&& (>= net40) (< net45) (>= netstandard1.4) (< netstandard1.5)) (&& (>= net40) (< net45) (>= netstandard1.5) (< netstandard1.6)) (&& (>= net40) (< net45) (>= netstandard1.6) (< netstandard2.0)) (&& (>= net40) (< netstandard1.5) (>= uap10.0)) (&& (>= net46) (< netstandard1.4))
    System.Security.Cryptography.ProtectedData (4.5) - restriction: || (== netstandard2.0) (&& (>= net40) (< net461) (>= netstandard2.0))
      System.Memory (>= 4.5) - restriction: || (== netstandard2.0) (&& (>= net40) (< net46) (>= netstandard2.0))
    System.Security.Cryptography.X509Certificates (4.3.2) - restriction: || (&& (== netstandard2.0) (< netstandard1.4)) (&& (== netstandard2.0) (< netstandard1.5)) (&& (== netstandard2.0) (< netstandard1.6)) (&& (>= net40) (< net45) (>= netstandard1.3) (< netstandard1.4)) (&& (>= net40) (< net45) (>= netstandard1.4) (< netstandard1.5)) (&& (>= net40) (< net45) (>= netstandard1.5) (< netstandard1.6)) (&& (>= net40) (< net45) (>= netstandard1.6) (< netstandard2.0)) (&& (>= net40) (< netstandard1.5) (>= uap10.0)) (&& (>= net46) (< netstandard1.4))
      System.Security.Cryptography.Algorithms (>= 4.3)
      System.Security.Cryptography.Encoding (>= 4.3)
    System.Security.Permissions (4.5) - restriction: || (== netstandard2.0) (&& (>= monoandroid) (>= net40)) (&& (>= monotouch) (>= net40)) (&& (>= net40) (>= netstandard2.0)) (&& (>= net40) (>= xamarinmac)) (&& (>= net40) (>= xamarintvos)) (&& (>= net40) (>= xamarinwatchos)) (>= net461)
      System.Security.AccessControl (>= 4.5) - restriction: || (== netstandard2.0) (&& (>= net40) (>= netstandard2.0)) (>= net461)
    System.Security.Principal.Windows (4.5.1) - restriction: || (== netstandard2.0) (&& (>= net40) (< net451) (>= netstandard2.0)) (&& (>= net40) (>= netcoreapp2.0))
    System.Text.Encoding (4.3) - restriction: || (== netstandard2.0) (&& (>= net40) (< net45) (>= netstandard1.0) (< netstandard1.3)) (&& (>= net40) (< net45) (>= netstandard1.3) (< netstandard1.5)) (&& (>= net40) (< net45) (>= netstandard1.5)) (&& (>= net40) (< net46) (>= netstandard1.3)) (&& (>= net40) (< portable-net45+win8+wp8+wpa81))
      Microsoft.NETCore.Platforms (>= 1.1) - restriction: || (== netstandard2.0) (&& (>= net40) (< net45) (>= netstandard1.0) (< netstandard1.3)) (&& (>= net40) (< net45) (>= netstandard1.3)) (&& (>= net40) (< portable-net45+win8+wp8+wpa81))
      Microsoft.NETCore.Targets (>= 1.1) - restriction: || (== netstandard2.0) (&& (>= net40) (< net45) (>= netstandard1.0) (< netstandard1.3)) (&& (>= net40) (< net45) (>= netstandard1.3)) (&& (>= net40) (< portable-net45+win8+wp8+wpa81))
      System.Runtime (>= 4.3) - restriction: || (== netstandard2.0) (&& (>= net40) (< net45) (>= netstandard1.0) (< netstandard1.3)) (&& (>= net40) (< net45) (>= netstandard1.3)) (&& (>= net40) (< portable-net45+win8+wp8+wpa81))
    System.Text.Encoding.CodePages (4.5) - restriction: || (== netstandard2.0) (&& (>= net40) (< net451) (>= netstandard2.0)) (&& (>= net40) (>= netcoreapp2.0))
      System.Runtime.CompilerServices.Unsafe (>= 4.5) - restriction: || (== netstandard2.0) (&& (>= net40) (< net46) (>= netstandard2.0)) (&& (>= net40) (>= netcoreapp2.0)) (>= net461)
    System.Text.RegularExpressions (4.3) - restriction: || (== netstandard2.0) (&& (>= net40) (< net451) (>= netstandard1.2))
      System.Collections (>= 4.3) - restriction: || (== netstandard2.0) (&& (>= net40) (< net45) (>= netstandard1.6)) (&& (>= net40) (< portable-net45+win8+wp8+wpa81))
      System.Globalization (>= 4.3) - restriction: || (== netstandard2.0) (&& (>= net40) (< net45) (>= netstandard1.6)) (&& (>= net40) (< portable-net45+win8+wp8+wpa81))
      System.Resources.ResourceManager (>= 4.3) - restriction: || (== netstandard2.0) (&& (>= net40) (< net45) (>= netstandard1.6)) (&& (>= net40) (< portable-net45+win8+wp8+wpa81))
      System.Runtime (>= 4.3) - restriction: || (== netstandard2.0) (&& (>= net40) (< net45) (>= netstandard1.0) (< netstandard1.3)) (&& (>= net40) (< net45) (>= netstandard1.3) (< netstandard1.6)) (&& (>= net40) (< net45) (>= netstandard1.6)) (&& (>= net40) (>= netcoreapp1.1)) (&& (>= net40) (< portable-net45+win8+wp8+wpa81))
      System.Runtime.Extensions (>= 4.3) - restriction: || (== netstandard2.0) (&& (>= net40) (< net45) (>= netstandard1.6)) (&& (>= net40) (< portable-net45+win8+wp8+wpa81))
      System.Threading (>= 4.3) - restriction: || (== netstandard2.0) (&& (>= net40) (< net45) (>= netstandard1.6)) (&& (>= net40) (< portable-net45+win8+wp8+wpa81))
    System.Threading (4.3) - restriction: || (== netstandard2.0) (&& (>= net40) (< net45) (>= netstandard1.6)) (&& (>= net40) (>= netstandard1.2) (< portable-net45+win8+wp8+wpa81))
      System.Runtime (>= 4.3) - restriction: || (== netstandard2.0) (&& (>= net40) (< net45) (>= netstandard1.0) (< netstandard1.3)) (&& (>= net40) (< net45) (>= netstandard1.3)) (&& (>= net40) (< portable-net45+win8+wp8+wpa81))
      System.Threading.Tasks (>= 4.3) - restriction: || (== netstandard2.0) (&& (>= net40) (< net45) (>= netstandard1.0) (< netstandard1.3)) (&& (>= net40) (< net45) (>= netstandard1.3)) (&& (>= net40) (< portable-net45+win8+wp8+wpa81))
    System.Threading.Tasks (4.3) - restriction: || (== netstandard2.0) (&& (>= net40) (< net45) (>= netstandard1.0) (< netstandard1.3)) (&& (>= net40) (< net45) (>= netstandard1.3) (< netstandard1.5)) (&& (>= net40) (< net45) (>= netstandard1.5)) (&& (>= net40) (< net451) (>= netstandard1.2)) (&& (>= net40) (< portable-net45+win8+wp8+wpa81))
      Microsoft.NETCore.Platforms (>= 1.1) - restriction: || (== netstandard2.0) (&& (>= net40) (< net45) (>= netstandard1.0) (< netstandard1.3)) (&& (>= net40) (< net45) (>= netstandard1.3)) (&& (>= net40) (< portable-net45+win8+wp8+wpa81))
      Microsoft.NETCore.Targets (>= 1.1) - restriction: || (== netstandard2.0) (&& (>= net40) (< net45) (>= netstandard1.0) (< netstandard1.3)) (&& (>= net40) (< net45) (>= netstandard1.3)) (&& (>= net40) (< portable-net45+win8+wp8+wpa81))
      System.Runtime (>= 4.3) - restriction: || (== netstandard2.0) (&& (>= net40) (< net45) (>= netstandard1.0) (< netstandard1.3)) (&& (>= net40) (< net45) (>= netstandard1.3)) (&& (>= net40) (< portable-net45+win8+wp8+wpa81))
    System.Threading.Tasks.Parallel (4.3) - restriction: || (== netstandard2.0) (&& (< net20) (>= net40) (>= netstandard1.6))
      System.Collections.Concurrent (>= 4.3) - restriction: || (== netstandard2.0) (&& (>= net40) (< net45) (>= netstandard1.1) (< netstandard1.3)) (&& (>= net40) (< net45) (>= netstandard1.3)) (&& (>= net40) (< portable-net45+win8+wpa81))
      System.Diagnostics.Debug (>= 4.3) - restriction: || (== netstandard2.0) (&& (>= net40) (< net45) (>= netstandard1.3)) (&& (>= net40) (< portable-net45+win8+wpa81))
      System.Diagnostics.Tracing (>= 4.3) - restriction: || (== netstandard2.0) (&& (>= net40) (< net45) (>= netstandard1.3)) (&& (>= net40) (< portable-net45+win8+wpa81))
      System.Resources.ResourceManager (>= 4.3) - restriction: || (== netstandard2.0) (&& (>= net40) (< net45) (>= netstandard1.3)) (&& (>= net40) (< portable-net45+win8+wpa81))
      System.Runtime (>= 4.3) - restriction: || (== netstandard2.0) (&& (>= net40) (< net45) (>= netstandard1.1) (< netstandard1.3)) (&& (>= net40) (< net45) (>= netstandard1.3)) (&& (>= net40) (< portable-net45+win8+wpa81))
      System.Runtime.Extensions (>= 4.3) - restriction: || (== netstandard2.0) (&& (>= net40) (< net45) (>= netstandard1.3)) (&& (>= net40) (< portable-net45+win8+wpa81))
      System.Threading (>= 4.3) - restriction: || (== netstandard2.0) (&& (>= net40) (< net45) (>= netstandard1.3)) (&& (>= net40) (< portable-net45+win8+wpa81))
      System.Threading.Tasks (>= 4.3) - restriction: || (== netstandard2.0) (&& (>= net40) (< net45) (>= netstandard1.1) (< netstandard1.3)) (&& (>= net40) (< net45) (>= netstandard1.3)) (&& (>= net40) (< portable-net45+win8+wpa81))
    System.Threading.Thread (4.3) - restriction: || (== netstandard2.0) (&& (< net20) (>= net40) (>= netstandard1.6))
      System.Runtime (>= 4.3) - restriction: || (== netstandard2.0) (&& (>= net40) (< net46) (>= netstandard1.3))
    System.Threading.ThreadPool (4.3) - restriction: || (== netstandard2.0) (&& (< net20) (>= net40) (>= netstandard1.6))
      System.Runtime (>= 4.3) - restriction: || (== netstandard2.0) (&& (>= net40) (< net46) (>= netstandard1.3))
      System.Runtime.Handles (>= 4.3) - restriction: || (== netstandard2.0) (&& (>= net40) (< net46) (>= netstandard1.3))
    System.Threading.Timer (4.3) - restriction: || (== netstandard2.0) (&& (< net20) (>= net40) (>= netstandard1.6))
      Microsoft.NETCore.Platforms (>= 1.1) - restriction: || (== netstandard2.0) (&& (>= net40) (< net451) (>= netstandard1.2)) (&& (>= net40) (< portable-net451+win81+wpa81))
      Microsoft.NETCore.Targets (>= 1.1) - restriction: || (== netstandard2.0) (&& (>= net40) (< net451) (>= netstandard1.2)) (&& (>= net40) (< portable-net451+win81+wpa81))
      System.Runtime (>= 4.3) - restriction: || (== netstandard2.0) (&& (>= net40) (< net451) (>= netstandard1.2)) (&& (>= net40) (< portable-net451+win81+wpa81))
    System.Xml.ReaderWriter (4.3.1) - restriction: || (&& (== netstandard2.0) (< netstandard1.2)) (&& (== netstandard2.0) (< netstandard1.3)) (&& (== netstandard2.0) (< netstandard1.4)) (&& (== netstandard2.0) (< netstandard1.5)) (&& (== netstandard2.0) (< netstandard1.6)) (&& (== netstandard2.0) (< portable-net45+win8+wpa81)) (&& (>= net40) (< net45) (>= netstandard1.1) (< netstandard1.2)) (&& (>= net40) (< net45) (>= netstandard1.2) (< netstandard1.3)) (&& (>= net40) (< net45) (>= netstandard1.3) (< netstandard1.4)) (&& (>= net40) (< net45) (>= netstandard1.4) (< netstandard1.5)) (&& (>= net40) (< net45) (>= netstandard1.5) (< netstandard1.6)) (&& (>= net40) (< net45) (>= netstandard1.6) (< netstandard2.0)) (&& (>= net40) (>= netstandard1.0) (< portable-net45+win8+wpa81)) (&& (>= net40) (< netstandard1.5) (>= uap10.0)) (&& (>= net46) (< netstandard1.4))
GITHUB
  remote: fsprojects/FSharp.TypeProviders.SDK
    src/ProvidedTypes.fs (7d57cd409d7299592822713195924e42b2b7acde)
    src/ProvidedTypes.fsi (7d57cd409d7299592822713195924e42b2b7acde)
    src/ProvidedTypesTesting.fs (7d57cd409d7299592822713195924e42b2b7acde)
GROUP Build
GENERATE-LOAD-SCRIPTS: ON
REDIRECTS: FORCE
RESTRICTION: >= net40
NUGET
  remote: https://www.nuget.org/api/v2
    FAKE (5.0.0-rc014.167)
    FAKE.Lib (5.0.0-rc014.167)
    FSharp.Compiler.Service (0.0.36)
    FSharp.Formatting (2.4.1)
      FSharp.Compiler.Service (>= 0.0.32)
      Microsoft.AspNet.Razor (>= 2.0.30506)
      RazorEngine (>= 3.3)
    Microsoft.AspNet.Razor (3.2.6)
    NuGet.CommandLine (4.7.1)
    RazorEngine (3.3)
      Microsoft.AspNet.Razor (>= 2.0.30506)

GROUP Samples
REDIRECTS: FORCE
RESTRICTION: >= net40
NUGET
  remote: https://www.nuget.org/api/v2
    FSharp.Data.SqlClient (1.8.4)
    Microsoft.AspNet.WebApi (5.2.6)
      Microsoft.AspNet.WebApi.WebHost (>= 5.2.6 < 5.3)
    Microsoft.AspNet.WebApi.Client (5.2.6)
      Newtonsoft.Json (>= 6.0.4) - restriction: || (&& (>= net40) (< netstandard2.0) (>= portable-net45+win8+wp8+wp81+wpa81)) (>= net45)
    Microsoft.AspNet.WebApi.Core (5.2.6)
      Microsoft.AspNet.WebApi.Client (>= 5.2.6)
    Microsoft.AspNet.WebApi.WebHost (5.2.6)
      Microsoft.AspNet.WebApi.Core (>= 5.2.6 < 5.3)
    Newtonsoft.Json (11.0.2)

GROUP Test
REDIRECTS: FORCE
RESTRICTION: >= net40
NUGET
  remote: https://www.nuget.org/api/v2
    FSharp.Configuration (1.4)
      FSharp.Core (>= 4.0.0.1)
    FSharp.Core (4.1.18)
    Microsoft.SqlServer.Types (12.0.5000)
    Newtonsoft.Json (11.0.2)
    xunit (1.9.2)
    xunit.runner.visualstudio (2.1)
